{
    "AcquisitionMatrixPE": 140,
    "AcquisitionNumber": 1,
    "AcquisitionTime": "10:38:47.942500",
    "BandwidthPerPixelPhaseEncode": 10.352,
    "BaseResolution": 140,
    "BodyPartExamined": "BRAIN",
    "CoilCombinationMethod": "Adaptive Combine",
    "ConsistencyInfo": "N4_VE11C_LATEST_20160120",
    "ConversionSoftware": "dcm2niix",
    "ConversionSoftwareVersion": "v1.0.20220505",
    "DerivedVendorReportedEchoSpacing": 0.000689998,
    "DeviceSerialNumber": "167024",
    "DiffusionScheme": "Monopolar",
    "EchoTime": 0.089,
    "EchoTrainLength": 105,
    "EffectiveEchoSpacing": 0.000689998,
    "FlipAngle": 90,
    "HeudiconvVersion": "1.3.2",
    "ImageOrientationPatientDICOM": [
        0.998806,
        0.0183785,
        -0.0452607,
        -3.67621e-09,
        0.926529,
        0.376224
    ],
    "ImageType": [
        "ORIGINAL",
        "PRIMARY",
        "DIFFUSION",
        "NONE",
        "ND"
    ],
    "ImagingFrequency": 123.261,
    "InPlanePhaseEncodingDirectionDICOM": "COL",
    "InstitutionAddress": "Spruce Street 3400,Philadelphia,Pennsylvania,US,19104",
    "InstitutionName": "HUP",
    "MRAcquisitionType": "2D",
    "MagneticFieldStrength": 3,
    "Manufacturer": "Siemens",
    "ManufacturersModelName": "Prisma_fit",
    "MatrixCoilMode": "SENSE",
    "Modality": "MR",
    "PartialFourier": 0.75,
    "PatientPosition": "HFS",
    "PercentPhaseFOV": 100,
    "PercentSampling": 100,
    "PhaseEncodingDirection": "j",
    "PhaseEncodingSteps": 105,
    "PhaseResolution": 1,
    "PixelBandwidth": 1700,
    "ProcedureStepDescription": "MR HEAD WO IV CONTRAST",
    "ProtocolName": "fmap_acq-dMRIdistmap_dir-PA_epi",
    "PulseSequenceDetails": "%CustomerSeq%\\ep2d_diff_sms_abcd",
    "ReceiveCoilActiveElements": "HEA;HEP",
    "ReceiveCoilName": "Head_32",
    "ReconMatrixPE": 140,
    "RepetitionTime": 12.4,
    "SAR": 0.129594,
    "ScanOptions": "PFP\\FS",
    "ScanningSequence": "EP",
    "SequenceName": "ep_b0",
    "SequenceVariant": "SK\\SP",
    "SeriesDescription": "fmap_acq-dMRIdistmap_dir-PA_epi",
    "SeriesNumber": 10,
    "ShimSetting": [
        1724,
        -3894,
        -232,
        495,
        15,
        -150,
        239,
        -13
    ],
    "SliceThickness": 1.7,
    "SliceTiming": [
        0,
        6.26562,
        0.14844,
        6.41406,
        0.30469,
        6.57031,
        0.46094,
        6.71875,
        0.60938,
        6.875,
        0.76562,
        7.02344,
        0.91406,
        7.17969,
        1.07031,
        7.33594,
        1.21875,
        7.48438,
        1.375,
        7.64062,
        1.52344,
        7.78906,
        1.67969,
        7.94531,
        1.83594,
        8.09375,
        1.98438,
        8.25,
        2.14062,
        8.40625,
        2.28906,
        8.55469,
        2.44531,
        8.71094,
        2.59375,
        8.85938,
        2.75,
        9.01562,
        2.89844,
        9.16406,
        3.05469,
        9.32031,
        3.21094,
        9.47656,
        3.35938,
        9.625,
        3.51562,
        9.78125,
        3.66406,
        9.92969,
        3.82031,
        10.0859,
        3.96875,
        10.2344,
        4.125,
        10.3906,
        4.27344,
        10.5391,
        4.42969,
        10.6953,
        4.58594,
        10.8516,
        4.73438,
        11,
        4.89062,
        11.1562,
        5.03906,
        11.3047,
        5.19531,
        11.4609,
        5.34375,
        11.6094,
        5.5,
        11.7656,
        5.64844,
        11.9219,
        5.80469,
        12.0703,
        5.96094,
        12.2266,
        6.10938
    ],
    "SoftwareVersions": "syngo MR E11",
    "SpacingBetweenSlices": 1.7,
    "SpoilingState": true,
    "StationName": "HUP FNDBA MR2",
    "TotalReadoutTime": 0.0959097,
    "TxRefAmp": 237.07,
    "VendorReportedEchoSpacing": 0.00069,
    "WipMemBlock": "43111232-d614-41f4-be2f-af5a0d6013a9",
    "ParallelReductionFactorInPlane": 1,
    "PartialFourierDirection": "y",
    "B0FieldIdentifier": "fmap_dwi_pa_ses-1",
    "Obliquity": "True",
    "VoxelSizeDim1": 1.7142900228500366,
    "VoxelSizeDim2": 1.7142900228500366,
    "VoxelSizeDim3": 1.7001941204071045,
    "Dim1Size": 140,
    "Dim2Size": 140,
    "Dim3Size": 81,
    "NumVolumes": 1,
    "ImageOrientation": "LAS+",
    "IntendedFor": "ses-1/dwi/sub-20865_ses-1_run-01_dwi.nii.gz"
}