{
    "AcquisitionMatrixPE": 140,
    "AcquisitionNumber": 1,
    "AcquisitionTime": "10:52:30.047500",
    "BandwidthPerPixelPhaseEncode": 10.352,
    "BaseResolution": 140,
    "BodyPartExamined": "BRAIN",
    "CoilCombinationMethod": "Adaptive Combine",
    "ConsistencyInfo": "N4_VE11C_LATEST_20160120",
    "ConversionSoftware": "dcm2niix",
    "ConversionSoftwareVersion": "v1.0.20220505",
    "DerivedVendorReportedEchoSpacing": 0.000689998,
    "DeviceSerialNumber": "167024",
    "DiffusionScheme": "Monopolar",
    "DwellTime": 2.1e-06,
    "EchoTime": 0.089,
    "EchoTrainLength": 105,
    "EffectiveEchoSpacing": 0.000689998,
    "FlipAngle": 90,
    "HeudiconvVersion": "1.3.2",
    "ImageComments": "20818_11385@BBL:EFR01",
    "ImageOrientationPatientDICOM": [
        1,
        0,
        0,
        0,
        0.974761,
        -0.22325
    ],
    "ImageOrientationText": "Tra>Cor(-12.9)",
    "ImageType": [
        "ORIGINAL",
        "PRIMARY",
        "DIFFUSION",
        "NONE",
        "ND"
    ],
    "ImagingFrequency": 123.261,
    "InPlanePhaseEncodingDirectionDICOM": "COL",
    "InstitutionAddress": "Spruce Street 3400,Philadelphia,Pennsylvania,US,19104",
    "InstitutionName": "HUP",
    "InstitutionalDepartmentName": "Department",
    "MRAcquisitionType": "2D",
    "MagneticFieldStrength": 3,
    "Manufacturer": "Siemens",
    "ManufacturersModelName": "Prisma_fit",
    "MatrixCoilMode": "SENSE",
    "Modality": "MR",
    "PartialFourier": 0.75,
    "PatientPosition": "HFS",
    "PercentPhaseFOV": 100,
    "PercentSampling": 100,
    "PhaseEncodingDirection": "j-",
    "PhaseEncodingSteps": 105,
    "PhaseResolution": 1,
    "PixelBandwidth": 1700,
    "ProcedureStepDescription": "BRAIN RESEARCH^SATTERTHWAITE",
    "ProtocolName": "fmap_acq-dMRIdistmap_dir-AP_epi",
    "PulseSequenceDetails": "%CustomerSeq%\\ep2d_diff_sms_abcd",
    "ReceiveCoilActiveElements": "HEA;HEP",
    "ReceiveCoilName": "Head_32",
    "ReconMatrixPE": 140,
    "RepetitionTime": 12.4,
    "SAR": 0.168675,
    "ScanOptions": "PFP\\FS",
    "ScanningSequence": "EP",
    "SequenceName": "ep_b0",
    "SequenceVariant": "SK\\SP",
    "SeriesDescription": "fmap_acq-dMRIdistmap_dir-AP_epi",
    "SeriesNumber": 16,
    "ShimSetting": [
        1737,
        -3927,
        -173,
        670,
        29,
        -135,
        271,
        41
    ],
    "SliceThickness": 1.7,
    "SliceTiming": [
        0,
        6.26562,
        0.15625,
        6.42188,
        0.30469,
        6.57031,
        0.46094,
        6.72656,
        0.60938,
        6.875,
        0.76562,
        7.03125,
        0.92188,
        7.17969,
        1.07031,
        7.33594,
        1.22656,
        7.48438,
        1.375,
        7.64062,
        1.53125,
        7.79688,
        1.67969,
        7.94531,
        1.83594,
        8.10156,
        1.98438,
        8.25,
        2.14062,
        8.40625,
        2.29688,
        8.55469,
        2.44531,
        8.71094,
        2.60156,
        8.85938,
        2.75,
        9.01562,
        2.90625,
        9.17188,
        3.05469,
        9.32031,
        3.21094,
        9.47656,
        3.35938,
        9.625,
        3.51562,
        9.78125,
        3.67188,
        9.92969,
        3.82031,
        10.0859,
        3.97656,
        10.2422,
        4.125,
        10.3906,
        4.28125,
        10.5469,
        4.42969,
        10.6953,
        4.58594,
        10.8516,
        4.73438,
        11,
        4.89062,
        11.1562,
        5.04688,
        11.3125,
        5.19531,
        11.4609,
        5.35156,
        11.6172,
        5.5,
        11.7656,
        5.65625,
        11.9219,
        5.80469,
        12.0703,
        5.96094,
        12.2266,
        6.10938
    ],
    "SoftwareVersions": "syngo MR E11",
    "SpacingBetweenSlices": 1.7,
    "SpoilingState": true,
    "StationName": "HUP FNDBA MR2",
    "TotalReadoutTime": 0.0959097,
    "TxRefAmp": 215.618,
    "VendorReportedEchoSpacing": 0.00069,
    "WipMemBlock": "0ca5d65a-dbf6-4101-b40e-45addb314be3",
    "ParallelReductionFactorInPlane": 1,
    "PartialFourierDirection": "y",
    "B0FieldIdentifier": "fmap_dwi_ap_ses-1",
    "Obliquity": "True",
    "VoxelSizeDim1": 1.7142857313156128,
    "VoxelSizeDim2": 1.7142857313156128,
    "VoxelSizeDim3": 1.7000000476837158,
    "Dim1Size": 140,
    "Dim2Size": 140,
    "Dim3Size": 81,
    "NumVolumes": 1,
    "ImageOrientation": "LAS+",
    "IntendedFor": "ses-1/dwi/sub-20918_ses-1_run-01_dwi.nii.gz"
}