{
    "AcquisitionMatrixPE": 64,
    "AcquisitionNumber": 1,
    "AcquisitionTime": "18:39:30.280000",
    "BaseResolution": 64,
    "BodyPartExamined": "BRAIN",
    "CoilCombinationMethod": "Adaptive Combine",
    "ConsistencyInfo": "N4_VE11C_LATEST_20160120",
    "ConversionSoftware": "dcm2niix",
    "ConversionSoftwareVersion": "v1.0.20220505",
    "DeviceSerialNumber": "167024",
    "EchoTime": 0.01003,
    "FlipAngle": 90,
    "FrameTimesStart": [
        0,
        30.465,
        35.4275,
        40.3925,
        45.355,
        50.3175,
        55.2825,
        60.245,
        65.2075,
        70.1725,
        75.135,
        80.0975,
        85.0625,
        90.025,
        94.9875,
        99.9525,
        104.915,
        109.878,
        114.842,
        119.805,
        124.768,
        129.732,
        134.695,
        139.658,
        144.622,
        149.585,
        154.548,
        159.512,
        164.475,
        169.438,
        174.402,
        179.365,
        184.327,
        189.292,
        194.255,
        199.217,
        204.182,
        209.145,
        214.107,
        219.072,
        224.035,
        228.997,
        233.962,
        238.925,
        243.887,
        248.852,
        253.815,
        258.777,
        263.742,
        268.705,
        273.668,
        278.63,
        283.595,
        288.557,
        293.52,
        298.485,
        303.448,
        308.41,
        313.375,
        318.337,
        323.3,
        328.265,
        333.228,
        338.19,
        343.155,
        348.117,
        353.08,
        358.045,
        363.008,
        367.97,
        372.935,
        377.897,
        382.86,
        387.825,
        392.788,
        397.75,
        402.715,
        407.677,
        412.64,
        417.605
    ],
    "HeudiconvVersion": "1.3.2",
    "ImageComments": "20149_11831@BBL:EFR01",
    "ImageOrientationPatientDICOM": [
        1,
        0,
        0,
        0,
        1,
        0
    ],
    "ImageType": [
        "ORIGINAL",
        "PRIMARY",
        "M",
        "ND"
    ],
    "ImagingFrequency": 123.261,
    "InPlanePhaseEncodingDirectionDICOM": "COL",
    "InstitutionAddress": "Spruce Street 3400,Philadelphia,Pennsylvania,US,19104",
    "InstitutionName": "HUP",
    "MRAcquisitionType": "3D",
    "MagneticFieldStrength": 3,
    "Manufacturer": "Siemens",
    "ManufacturersModelName": "Prisma_fit",
    "MatrixCoilMode": "SENSE",
    "Modality": "MR",
    "PartialFourier": 1,
    "PatientPosition": "HFS",
    "PercentPhaseFOV": 100,
    "PercentSampling": 100,
    "PhaseEncodingSteps": 2,
    "PhaseResolution": 1,
    "PixelBandwidth": 400,
    "ProcedureStepDescription": "MR HEAD WO IV CONTRAST",
    "ProtocolName": "asl_acq-3dspiralv20unbalanced_asl",
    "PulseSequenceDetails": "%CustomerSeq%\\SPIRAL_V20_GE",
    "ReceiveCoilActiveElements": "HEA;HEP",
    "ReceiveCoilName": "Head_32",
    "ReconMatrixPE": 64,
    "RepetitionTime": 5.28614,
    "RepetitionTimeExcitation": 4.9633,
    "SAR": 0.720946,
    "ScanOptions": "SAT1\\FS",
    "ScanningSequence": "RM",
    "SequenceName": "Sp3d1",
    "SequenceVariant": "SS",
    "SeriesDescription": "asl_acq-3dspiralv20unbalanced_asl_ASL",
    "SeriesNumber": 21,
    "ShimSetting": [
        1740,
        -3874,
        -185,
        460,
        24,
        50,
        -1,
        19
    ],
    "SliceThickness": 3.75,
    "SoftwareVersions": "syngo MR E11",
    "StationName": "HUP FNDBA MR2",
    "TxRefAmp": 310.895,
    "Obliquity": "False",
    "VoxelSizeDim1": 3.75,
    "VoxelSizeDim2": 3.75,
    "VoxelSizeDim3": 3.75,
    "Dim1Size": 64,
    "Dim2Size": 64,
    "Dim3Size": 32,
    "NumVolumes": 80,
    "ImageOrientation": "LAS+",
    "RepetitionTimePreparation": 4.29845,
    "ArterialSpinLabelingType": "PCASL",
    "PostLabelingDelay": 1.5,
    "TotalAcquiredPairs": 40,
    "BackgroundSuppressionNumberPulses": 2,
    "PCASLType": "unbalanced",
    "BackgroundSuppression": true,
    "LabelingDuration": 1.5,
    "M0Type": "Separate"
}