{
    "AcquisitionMatrixPE": 90,
    "AcquisitionNumber": 1,
    "AcquisitionTime": "17:38:32.942500",
    "BandwidthPerPixelPhaseEncode": 21.786,
    "BaseResolution": 90,
    "BodyPartExamined": "BRAIN",
    "CoilCombinationMethod": "Sum of Squares",
    "ConsistencyInfo": "N4_VE11C_LATEST_20160120",
    "ConversionSoftware": "dcm2niix",
    "ConversionSoftwareVersion": "v1.0.20220505",
    "DerivedVendorReportedEchoSpacing": 0.000510012,
    "DeviceSerialNumber": "167024",
    "DwellTime": 2e-06,
    "EchoTime": 0.03,
    "EchoTrainLength": 90,
    "EffectiveEchoSpacing": 0.000510012,
    "FlipAngle": 52,
    "HeudiconvVersion": "1.3.2",
    "ImageComments": "SMS_ABCD_V1.2; MB=6; FOVshift=3; K_PE=5; K_RO=5; LeakBlockOn;\r\n20842_11404@BBL:EFR01",
    "ImageOrientationPatientDICOM": [
        0.999848,
        -0.001187,
        0.017412,
        -3.26263e-08,
        0.997684,
        0.0680153
    ],
    "ImageOrientationText": "Tra>Cor(3.9)>Sag(1.0)",
    "ImageType": [
        "ORIGINAL",
        "PRIMARY",
        "M",
        "ND",
        "MOSAIC"
    ],
    "ImagingFrequency": 123.261,
    "InPlanePhaseEncodingDirectionDICOM": "COL",
    "InstitutionAddress": "Spruce Street 3400,Philadelphia,Pennsylvania,US,19104",
    "InstitutionName": "HUP",
    "InstitutionalDepartmentName": "Department",
    "MRAcquisitionType": "2D",
    "MagneticFieldStrength": 3,
    "Manufacturer": "Siemens",
    "ManufacturersModelName": "Prisma_fit",
    "Modality": "MR",
    "MultibandAccelerationFactor": 6,
    "PartialFourier": 1,
    "PatientPosition": "HFS",
    "PercentPhaseFOV": 100,
    "PercentSampling": 100,
    "PhaseEncodingDirection": "j",
    "PhaseEncodingSteps": 90,
    "PhaseResolution": 1,
    "PixelBandwidth": 2780,
    "ProcedureStepDescription": "MR HEAD WO IV CONTRAST",
    "ProtocolName": "func_task-rest_run-01",
    "PulseSequenceDetails": "%CustomerSeq%\\ep2d_bold_sms_abcd",
    "ReceiveCoilActiveElements": "HEA;HEP",
    "ReceiveCoilName": "Head_32",
    "ReconMatrixPE": 90,
    "RefLinesPE": 22,
    "RepetitionTime": 0.8,
    "SAR": 0.0593757,
    "ScanOptions": "FS\\CT",
    "ScanningSequence": "EP",
    "SequenceName": "epfid2d1_90",
    "SequenceVariant": "SK",
    "SeriesDescription": "func_task-rest_run-01",
    "SeriesNumber": 17,
    "ShimSetting": [
        1748,
        -3867,
        -243,
        543,
        95,
        -208,
        74,
        -13
    ],
    "SliceThickness": 2.4,
    "SliceTiming": [
        0.545,
        0,
        0.39,
        0.0775,
        0.4675,
        0.2325,
        0.6225,
        0.31,
        0.7,
        0.155,
        0.545,
        0,
        0.39,
        0.0775,
        0.4675,
        0.2325,
        0.6225,
        0.31,
        0.7,
        0.155,
        0.545,
        0,
        0.39,
        0.0775,
        0.4675,
        0.2325,
        0.6225,
        0.31,
        0.7,
        0.155,
        0.545,
        0,
        0.39,
        0.0775,
        0.4675,
        0.2325,
        0.6225,
        0.31,
        0.7,
        0.155,
        0.545,
        0,
        0.39,
        0.0775,
        0.4675,
        0.2325,
        0.6225,
        0.31,
        0.7,
        0.155,
        0.545,
        0,
        0.39,
        0.0775,
        0.4675,
        0.2325,
        0.6225,
        0.31,
        0.7,
        0.155
    ],
    "SoftwareVersions": "syngo MR E11",
    "SpacingBetweenSlices": 2.4,
    "StationName": "HUP FNDBA MR2",
    "TaskName": "rest",
    "TotalReadoutTime": 0.045391,
    "TxRefAmp": 216.145,
    "WipMemBlock": "2da2da11-2324-4b71-b1c5-4a4e7aedad95",
    "Obliquity": "True",
    "VoxelSizeDim1": 2.4000000953674316,
    "VoxelSizeDim2": 2.4000000953674316,
    "VoxelSizeDim3": 2.4000000953674316,
    "Dim1Size": 90,
    "Dim2Size": 90,
    "Dim3Size": 60,
    "NumVolumes": 522,
    "ImageOrientation": "LAS+",
    "B0FieldSource": [
        "fmap_fmri_ses_1"
    ]
}
