{
    "AcquisitionMatrixPE": 90,
    "AcquisitionNumber": 1,
    "AcquisitionTime": "14:13:42.135000",
    "BandwidthPerPixelPhaseEncode": 21.786,
    "BaseResolution": 90,
    "BodyPartExamined": "BRAIN",
    "CoilCombinationMethod": "Adaptive Combine",
    "ConsistencyInfo": "N4_VE11C_LATEST_20160120",
    "ConversionSoftware": "dcm2niix",
    "ConversionSoftwareVersion": "v1.0.20220505",
    "DerivedVendorReportedEchoSpacing": 0.000510012,
    "DeviceSerialNumber": "167024",
    "EchoTime": 0.08,
    "EchoTrainLength": 90,
    "EffectiveEchoSpacing": 0.000510012,
    "FlipAngle": 90,
    "HeudiconvVersion": "1.3.2",
    "ImageComments": "20968_12063@BBL:EFR01",
    "ImageOrientationPatientDICOM": [
        0.998537,
        -0.01707,
        0.0513141,
        2.54177e-08,
        0.948876,
        0.315649
    ],
    "ImageType": [
        "ORIGINAL",
        "PRIMARY",
        "M",
        "ND"
    ],
    "ImagingFrequency": 123.192,
    "InPlanePhaseEncodingDirectionDICOM": "COL",
    "InstitutionAddress": "Spruce Street 3400,Philadelphia,Pennsylvania,US,19104",
    "InstitutionName": "HUP",
    "MRAcquisitionType": "2D",
    "MagneticFieldStrength": 3,
    "Manufacturer": "Siemens",
    "ManufacturersModelName": "Prisma_fit",
    "MatrixCoilMode": "SENSE",
    "Modality": "MR",
    "PartialFourier": 1,
    "PatientPosition": "HFS",
    "PercentPhaseFOV": 100,
    "PercentSampling": 100,
    "PhaseEncodingDirection": "j-",
    "PhaseEncodingSteps": 90,
    "PhaseResolution": 1,
    "PixelBandwidth": 2780,
    "ProcedureStepDescription": "MR HEAD WO IV CONTRAST",
    "ProtocolName": "fmap_acq-fMRIdistmap_dir-AP_epi",
    "PulseSequenceDetails": "%CustomerSeq%\\ep2d_se_sms_abcd",
    "ReceiveCoilActiveElements": "HEA;HEP",
    "ReceiveCoilName": "Head_32",
    "ReconMatrixPE": 90,
    "RepetitionTime": 7.03,
    "SAR": 0.259857,
    "ScanOptions": "FS",
    "ScanningSequence": "EP",
    "SequenceName": "epse2d1_90",
    "SequenceVariant": "SK\\SP",
    "SeriesDescription": "fmap_acq-fMRIdistmap_dir-AP_epi",
    "SeriesNumber": 19,
    "ShimSetting": [
        1854,
        -3730,
        -169,
        806,
        38,
        263,
        -19,
        -131
    ],
    "SliceThickness": 2.4,
    "SliceTiming": [
        3.51562,
        0,
        3.625,
        0.10938,
        3.75,
        0.23438,
        3.85938,
        0.34375,
        3.98438,
        0.46875,
        4.09375,
        0.57812,
        4.21875,
        0.70312,
        4.32812,
        0.8125,
        4.45312,
        0.9375,
        4.5625,
        1.04688,
        4.6875,
        1.17188,
        4.79688,
        1.28125,
        4.92188,
        1.40625,
        5.03125,
        1.51562,
        5.15625,
        1.64062,
        5.26562,
        1.75,
        5.39062,
        1.875,
        5.5,
        1.98438,
        5.625,
        2.10938,
        5.73438,
        2.21875,
        5.85938,
        2.34375,
        5.96875,
        2.45312,
        6.09375,
        2.57812,
        6.20312,
        2.6875,
        6.32812,
        2.8125,
        6.4375,
        2.92188,
        6.5625,
        3.04688,
        6.67188,
        3.15625,
        6.79688,
        3.28125,
        6.90625,
        3.39062
    ],
    "SoftwareVersions": "syngo MR E11",
    "SpacingBetweenSlices": 2.4,
    "SpoilingState": true,
    "StationName": "HUP FNDBA MR2",
    "TotalReadoutTime": 0.045391,
    "TxRefAmp": 238.28,
    "VendorReportedEchoSpacing": 0.00051,
    "WipMemBlock": "a4d69fa2-ab01-46bc-a00f-5790f05edffa",
    "ParallelReductionFactorInPlane": 1,
    "PartialFourierDirection": "y",
    "B0FieldIdentifier": "fmap_fmri_ses_2",
    "Obliquity": "True",
    "VoxelSizeDim1": 2.4000000953674316,
    "VoxelSizeDim2": 2.4000000953674316,
    "VoxelSizeDim3": 2.4000000953674316,
    "Dim1Size": 90,
    "Dim2Size": 90,
    "Dim3Size": 60,
    "NumVolumes": 1,
    "ImageOrientation": "LAS+",
    "IntendedFor": [
        "ses-2/func/sub-20968_ses-2_task-nback_run-01_bold.nii.gz",
        "ses-2/func/sub-20968_ses-2_task-rest_run-01_bold.nii.gz"
    ]
}
