{
    "AcquisitionMatrixPE": 140,
    "AcquisitionNumber": 1,
    "AcquisitionTime": "09:36:18.052500",
    "BandwidthPerPixelPhaseEncode": 10.352,
    "BaseResolution": 140,
    "BodyPartExamined": "BRAIN",
    "CoilCombinationMethod": "Adaptive Combine",
    "ConsistencyInfo": "N4_VE11C_LATEST_20160120",
    "ConversionSoftware": "dcm2niix",
    "ConversionSoftwareVersion": "v1.0.20220505",
    "DerivedVendorReportedEchoSpacing": 0.000689998,
    "DeviceSerialNumber": "167024",
    "DiffusionScheme": "Monopolar",
    "EchoTime": 0.089,
    "EchoTrainLength": 105,
    "EffectiveEchoSpacing": 0.000689998,
    "FlipAngle": 90,
    "HeudiconvVersion": "1.3.2",
    "ImageComments": "20494_12359@BBL:EFR01",
    "ImageOrientationPatientDICOM": [
        0.999848,
        0.00276023,
        -0.0172327,
        1.12779e-08,
        0.987414,
        0.158158
    ],
    "ImageType": [
        "ORIGINAL",
        "PRIMARY",
        "DIFFUSION",
        "NONE",
        "ND"
    ],
    "ImagingFrequency": 123.192,
    "InPlanePhaseEncodingDirectionDICOM": "COL",
    "InstitutionAddress": "Spruce Street 3400,Philadelphia,Pennsylvania,US,19104",
    "InstitutionName": "HUP",
    "MRAcquisitionType": "2D",
    "MagneticFieldStrength": 3,
    "Manufacturer": "Siemens",
    "ManufacturersModelName": "Prisma_fit",
    "MatrixCoilMode": "SENSE",
    "Modality": "MR",
    "PartialFourier": 0.75,
    "PatientPosition": "HFS",
    "PercentPhaseFOV": 100,
    "PercentSampling": 100,
    "PhaseEncodingDirection": "j",
    "PhaseEncodingSteps": 105,
    "PhaseResolution": 1,
    "PixelBandwidth": 1700,
    "ProcedureStepDescription": "MR HEAD WO IV CONTRAST",
    "ProtocolName": "fmap_acq-dMRIdistmap_dir-PA_epi",
    "PulseSequenceDetails": "%CustomerSeq%\\ep2d_diff_sms_abcd",
    "ReceiveCoilActiveElements": "HEA;HEP",
    "ReceiveCoilName": "Head_32",
    "ReconMatrixPE": 140,
    "RepetitionTime": 12.4,
    "SAR": 0.191281,
    "ScanOptions": "PFP\\FS",
    "ScanningSequence": "EP",
    "SequenceName": "ep_b0",
    "SequenceVariant": "SK\\SP",
    "SeriesDescription": "fmap_acq-dMRIdistmap_dir-PA_epi",
    "SeriesNumber": 10,
    "ShimSetting": [
        1789,
        -3895,
        -101,
        580,
        -15,
        147,
        110,
        -67
    ],
    "SliceThickness": 1.7,
    "SliceTiming": [
        0,
        6.26562,
        0.14844,
        6.41406,
        0.30469,
        6.57031,
        0.45312,
        6.72656,
        0.60938,
        6.875,
        0.75781,
        7.03125,
        0.91406,
        7.17969,
        1.07031,
        7.33594,
        1.21875,
        7.48438,
        1.375,
        7.64062,
        1.52344,
        7.78906,
        1.67969,
        7.94531,
        1.82812,
        8.10156,
        1.98438,
        8.25,
        2.14062,
        8.40625,
        2.28906,
        8.55469,
        2.44531,
        8.71094,
        2.59375,
        8.85938,
        2.75,
        9.01562,
        2.89844,
        9.16406,
        3.05469,
        9.32031,
        3.20312,
        9.47656,
        3.35938,
        9.625,
        3.51562,
        9.78125,
        3.66406,
        9.92969,
        3.82031,
        10.0859,
        3.96875,
        10.2344,
        4.125,
        10.3906,
        4.27344,
        10.5391,
        4.42969,
        10.6953,
        4.58594,
        10.8516,
        4.73438,
        11,
        4.89062,
        11.1562,
        5.03906,
        11.3047,
        5.19531,
        11.4609,
        5.34375,
        11.6094,
        5.5,
        11.7656,
        5.65625,
        11.9141,
        5.80469,
        12.0703,
        5.96094,
        12.2266,
        6.10938
    ],
    "SoftwareVersions": "syngo MR E11",
    "SpacingBetweenSlices": 1.7,
    "SpoilingState": true,
    "StationName": "HUP FNDBA MR2",
    "TotalReadoutTime": 0.0959097,
    "TxRefAmp": 245.839,
    "VendorReportedEchoSpacing": 0.00069,
    "WipMemBlock": "7c0698e8-77e5-47eb-951f-3ebcc5b2aa11",
    "ParallelReductionFactorInPlane": 1,
    "PartialFourierDirection": "y",
    "B0FieldIdentifier": "fmap_dwi_pa_ses-3",
    "Obliquity": "True",
    "VoxelSizeDim1": 1.7142857313156128,
    "VoxelSizeDim2": 1.7142857313156128,
    "VoxelSizeDim3": 1.7000000476837158,
    "Dim1Size": 140,
    "Dim2Size": 140,
    "Dim3Size": 81,
    "NumVolumes": 1,
    "ImageOrientation": "LAS+"
}