{
    "AcquisitionMatrixPE": 64,
    "AcquisitionNumber": 1,
    "AcquisitionTime": "09:16:46.042500",
    "BaseResolution": 64,
    "BodyPartExamined": "BRAIN",
    "CoilCombinationMethod": "Adaptive Combine",
    "ConsistencyInfo": "N4_VE11C_LATEST_20160120",
    "ConversionSoftware": "dcm2niix",
    "ConversionSoftwareVersion": "v1.0.20220505",
    "DeviceSerialNumber": "167024",
    "EchoTime": 0.01003,
    "FlipAngle": 90,
    "FrameTimesStart": [
        0,
        27.77,
        31.835,
        35.9,
        39.965,
        44.03,
        48.095,
        52.16,
        56.225,
        60.29,
        64.355,
        68.42,
        72.485,
        76.55,
        80.615,
        84.6775,
        88.7425,
        92.8075,
        96.8725,
        100.938,
        105.003,
        109.067,
        113.132,
        117.198,
        121.262,
        125.327,
        129.393,
        133.458,
        137.523,
        141.587,
        145.652,
        149.717,
        153.783,
        157.848,
        161.913,
        165.977,
        170.042,
        174.107,
        178.173,
        182.238,
        186.303,
        190.367,
        194.432,
        198.497,
        202.562,
        206.628,
        210.69,
        214.755,
        218.82,
        222.885,
        226.95,
        231.015,
        235.08,
        239.145,
        243.21,
        247.275,
        251.34,
        255.405,
        259.47,
        263.535,
        267.6,
        271.665,
        275.73,
        279.795,
        283.86,
        287.925,
        291.99,
        296.055,
        300.12,
        304.185,
        308.25,
        312.315,
        316.38,
        320.445,
        324.51,
        328.575,
        332.64,
        336.705,
        340.767,
        344.832
    ],
    "HeudiconvVersion": "1.3.2",
    "ImageComments": "20916_12577@BBL:EFR01",
    "ImageOrientationPatientDICOM": [
        1,
        0,
        0,
        0,
        1,
        0
    ],
    "ImageType": [
        "ORIGINAL",
        "PRIMARY",
        "M",
        "ND"
    ],
    "ImagingFrequency": 123.166,
    "InPlanePhaseEncodingDirectionDICOM": "COL",
    "InstitutionAddress": "Spruce Street 3400,Philadelphia,Pennsylvania,US,19104",
    "InstitutionName": "HUP",
    "MRAcquisitionType": "3D",
    "MagneticFieldStrength": 3,
    "Manufacturer": "Siemens",
    "ManufacturersModelName": "Prisma_fit",
    "MatrixCoilMode": "SENSE",
    "Modality": "MR",
    "PartialFourier": 1,
    "PatientPosition": "HFS",
    "PercentPhaseFOV": 100,
    "PercentSampling": 100,
    "PhaseEncodingSteps": 2,
    "PhaseResolution": 1,
    "PixelBandwidth": 400,
    "ProcedureStepDescription": "MR HEAD WO IV CONTRAST",
    "ProtocolName": "asl_acq-3dspiralv20unbalanced_asl",
    "PulseSequenceDetails": "%CustomerSeq%\\SPIRAL_V20_GE",
    "ReceiveCoilActiveElements": "HEA;HEP",
    "ReceiveCoilName": "Head_32",
    "ReconMatrixPE": 64,
    "RepetitionTime": 4.36497,
    "RepetitionTimeExcitation": 4.0649,
    "SAR": 0.985594,
    "ScanOptions": "SAT1\\FS",
    "ScanningSequence": "RM",
    "SequenceName": "Sp3d1",
    "SequenceVariant": "SS",
    "SeriesDescription": "asl_acq-3dspiralv20unbalanced_asl_ASL",
    "SeriesNumber": 21,
    "ShimSetting": [
        1819,
        -3859,
        -302,
        675,
        4,
        -129,
        17,
        -57
    ],
    "SliceThickness": 3.75,
    "SoftwareVersions": "syngo MR E11",
    "StationName": "HUP FNDBA MR2",
    "TxRefAmp": 266.911,
    "RepetitionTimePreparation": 4.29845,
    "ArterialSpinLabelingType": "PCASL",
    "PostLabelingDelay": 1.5,
    "TotalAcquiredPairs": 40,
    "BackgroundSuppressionNumberPulses": 2,
    "PCASLType": "unbalanced",
    "BackgroundSuppression": true,
    "LabelingDuration": 1.5,
    "M0Type": "Separate",
    "Obliquity": "False",
    "VoxelSizeDim1": 3.75,
    "VoxelSizeDim2": 3.75,
    "VoxelSizeDim3": 3.75,
    "Dim1Size": 64,
    "Dim2Size": 64,
    "Dim3Size": 32,
    "NumVolumes": 80,
    "ImageOrientation": "LAS+"
}