{
    "AcquisitionMatrixPE": 90,
    "AcquisitionNumber": 1,
    "AcquisitionTime": "13:49:52.807500",
    "BandwidthPerPixelPhaseEncode": 21.786,
    "BaseResolution": 90,
    "BodyPartExamined": "BRAIN",
    "CoilCombinationMethod": "Sum of Squares",
    "ConsistencyInfo": "N4_VE11C_LATEST_20160120",
    "ConversionSoftware": "dcm2niix",
    "ConversionSoftwareVersion": "v1.0.20220505",
    "DerivedVendorReportedEchoSpacing": 0.000510012,
    "DeviceSerialNumber": "167024",
    "DwellTime": 2e-06,
    "EchoTime": 0.03,
    "EchoTrainLength": 90,
    "EffectiveEchoSpacing": 0.000510012,
    "FlipAngle": 52,
    "HeudiconvVersion": "1.3.2",
    "ImageComments": "SMS_ABCD_V1.2; MB=6; FOVshift=3; K_PE=5; K_RO=5; LeakBlockOn;",
    "ImageOrientationPatientDICOM": [
        0.99824,
        0.0100946,
        -0.058441,
        -7.49818e-08,
        0.985408,
        0.170209
    ],
    "ImageOrientationText": "Tra>Cor(9.8)>Sag(-3.4)",
    "ImageType": [
        "ORIGINAL",
        "PRIMARY",
        "M",
        "ND",
        "MOSAIC"
    ],
    "ImagingFrequency": 123.261,
    "InPlanePhaseEncodingDirectionDICOM": "COL",
    "InstitutionAddress": "Spruce Street 3400,Philadelphia,Pennsylvania,US,19104",
    "InstitutionName": "HUP",
    "InstitutionalDepartmentName": "Department",
    "MRAcquisitionType": "2D",
    "MagneticFieldStrength": 3,
    "Manufacturer": "Siemens",
    "ManufacturersModelName": "Prisma_fit",
    "Modality": "MR",
    "MultibandAccelerationFactor": 6,
    "PartialFourier": 1,
    "PatientPosition": "HFS",
    "PercentPhaseFOV": 100,
    "PercentSampling": 100,
    "PhaseEncodingDirection": "j",
    "PhaseEncodingSteps": 90,
    "PhaseResolution": 1,
    "PixelBandwidth": 2780,
    "ProcedureStepDescription": "MR HEAD WO IV CONTRAST",
    "ProtocolName": "ABCD_fMRI_rest",
    "PulseSequenceDetails": "%CustomerSeq%\\ep2d_bold_sms_abcd",
    "ReceiveCoilActiveElements": "HEA;HEP",
    "ReceiveCoilName": "Head_32",
    "ReconMatrixPE": 90,
    "RefLinesPE": 22,
    "RepetitionTime": 0.8,
    "SAR": 0.0605564,
    "ScanOptions": "FS\\CT",
    "ScanningSequence": "EP",
    "SequenceName": "epfid2d1_90",
    "SequenceVariant": "SK",
    "SeriesDescription": "ABCD_fMRI_rest",
    "SeriesNumber": 12,
    "ShimSetting": [
        1735,
        -3908,
        -246,
        522,
        72,
        -103,
        44,
        -31
    ],
    "SliceThickness": 2.4,
    "SliceTiming": [
        0.5475,
        0,
        0.39,
        0.08,
        0.47,
        0.235,
        0.625,
        0.3125,
        0.7025,
        0.1575,
        0.5475,
        0,
        0.39,
        0.08,
        0.47,
        0.235,
        0.625,
        0.3125,
        0.7025,
        0.1575,
        0.5475,
        0,
        0.39,
        0.08,
        0.47,
        0.235,
        0.625,
        0.3125,
        0.7025,
        0.1575,
        0.5475,
        0,
        0.39,
        0.08,
        0.47,
        0.235,
        0.625,
        0.3125,
        0.7025,
        0.1575,
        0.5475,
        0,
        0.39,
        0.08,
        0.47,
        0.235,
        0.625,
        0.3125,
        0.7025,
        0.1575,
        0.5475,
        0,
        0.39,
        0.08,
        0.47,
        0.235,
        0.625,
        0.3125,
        0.7025,
        0.1575
    ],
    "SoftwareVersions": "syngo MR E11",
    "SpacingBetweenSlices": 2.4,
    "StationName": "HUP FNDBA MR2",
    "TaskName": "rest",
    "TotalReadoutTime": 0.045391,
    "TxRefAmp": 219.115,
    "WipMemBlock": "e5ce9af6-126f-4c8a-ac71-56cb074c0715",
    "Obliquity": "True",
    "VoxelSizeDim1": 2.4000000953674316,
    "VoxelSizeDim2": 2.4000000953674316,
    "VoxelSizeDim3": 2.4000000953674316,
    "Dim1Size": 90,
    "Dim2Size": 90,
    "Dim3Size": 60,
    "NumVolumes": 522,
    "ImageOrientation": "LAS+",
    "B0FieldSource": [
        "fmap_fmri_ses_1"
    ]
}
