{
    "AcquisitionMatrixPE": 90,
    "AcquisitionNumber": 1,
    "AcquisitionTime": "10:41:56.120000",
    "BandwidthPerPixelPhaseEncode": 21.786,
    "BaseResolution": 90,
    "BodyPartExamined": "BRAIN",
    "CoilCombinationMethod": "Adaptive Combine",
    "ConsistencyInfo": "N4_VE11C_LATEST_20160120",
    "ConversionSoftware": "dcm2niix",
    "ConversionSoftwareVersion": "v1.0.20220505",
    "DerivedVendorReportedEchoSpacing": 0.000510012,
    "DeviceSerialNumber": "167024",
    "EchoTime": 0.08,
    "EchoTrainLength": 90,
    "EffectiveEchoSpacing": 0.000510012,
    "FlipAngle": 90,
    "HeudiconvVersion": "1.3.2",
    "ImageComments": "20427_12098@BBL:EFR01",
    "ImageOrientationPatientDICOM": [
        0.999877,
        0.00177808,
        -0.0156064,
        4.05682e-08,
        0.993572,
        0.113203
    ],
    "ImageType": [
        "ORIGINAL",
        "PRIMARY",
        "M",
        "ND"
    ],
    "ImagingFrequency": 123.192,
    "InPlanePhaseEncodingDirectionDICOM": "COL",
    "InstitutionAddress": "Spruce Street 3400,Philadelphia,Pennsylvania,US,19104",
    "InstitutionName": "HUP",
    "MRAcquisitionType": "2D",
    "MagneticFieldStrength": 3,
    "Manufacturer": "Siemens",
    "ManufacturersModelName": "Prisma_fit",
    "MatrixCoilMode": "SENSE",
    "Modality": "MR",
    "PartialFourier": 1,
    "PatientPosition": "HFS",
    "PercentPhaseFOV": 100,
    "PercentSampling": 100,
    "PhaseEncodingDirection": "j-",
    "PhaseEncodingSteps": 90,
    "PhaseResolution": 1,
    "PixelBandwidth": 2780,
    "ProcedureStepDescription": "MR HEAD WO IV CONTRAST",
    "ProtocolName": "fmap_acq-fMRIdistmap_dir-AP_epi",
    "PulseSequenceDetails": "%CustomerSeq%\\ep2d_se_sms_abcd",
    "ReceiveCoilActiveElements": "HEA;HEP",
    "ReceiveCoilName": "Head_32",
    "ReconMatrixPE": 90,
    "RepetitionTime": 7.03,
    "SAR": 0.178088,
    "ScanOptions": "FS",
    "ScanningSequence": "EP",
    "SequenceName": "epse2d1_90",
    "SequenceVariant": "SK\\SP",
    "SeriesDescription": "fmap_acq-fMRIdistmap_dir-AP_epi",
    "SeriesNumber": 17,
    "ShimSetting": [
        1806,
        -3876,
        -161,
        403,
        -7,
        32,
        -41,
        -46
    ],
    "SliceThickness": 2.4,
    "SliceTiming": [
        3.51562,
        0,
        3.63281,
        0.11719,
        3.75,
        0.24219,
        3.86719,
        0.35938,
        3.99219,
        0.47656,
        4.10938,
        0.59375,
        4.22656,
        0.71094,
        4.33594,
        0.82031,
        4.45312,
        0.9375,
        4.57031,
        1.05469,
        4.6875,
        1.17969,
        4.80469,
        1.29688,
        4.92969,
        1.41406,
        5.04688,
        1.53125,
        5.15625,
        1.64844,
        5.27344,
        1.75781,
        5.39062,
        1.875,
        5.50781,
        1.99219,
        5.625,
        2.11719,
        5.74219,
        2.23438,
        5.86719,
        2.35156,
        5.97656,
        2.46875,
        6.09375,
        2.57812,
        6.21094,
        2.69531,
        6.32812,
        2.8125,
        6.44531,
        2.92969,
        6.5625,
        3.05469,
        6.67969,
        3.17188,
        6.80469,
        3.28906,
        6.91406,
        3.39844
    ],
    "SoftwareVersions": "syngo MR E11",
    "SpacingBetweenSlices": 2.4,
    "SpoilingState": true,
    "StationName": "HUP FNDBA MR2",
    "TotalReadoutTime": 0.045391,
    "TxRefAmp": 266.918,
    "VendorReportedEchoSpacing": 0.00051,
    "WipMemBlock": "09e76d50-27c3-4ddf-9f1b-9435fb3a2d27",
    "ParallelReductionFactorInPlane": 1,
    "PartialFourierDirection": "y",
    "B0FieldIdentifier": "fmap_fmri_ses_2",
    "Obliquity": "True",
    "VoxelSizeDim1": 2.4000000953674316,
    "VoxelSizeDim2": 2.4000000953674316,
    "VoxelSizeDim3": 2.4000000953674316,
    "Dim1Size": 90,
    "Dim2Size": 90,
    "Dim3Size": 60,
    "NumVolumes": 1,
    "ImageOrientation": "LAS+",
    "IntendedFor": [
        "ses-2/func/sub-20427_ses-2_task-nback_run-01_bold.nii.gz",
        "ses-2/func/sub-20427_ses-2_task-rest_run-01_bold.nii.gz"
    ]
}
