{
    "AcquisitionMatrixPE": 64,
    "AcquisitionNumber": 1,
    "AcquisitionTime": "19:05:20.402500",
    "BaseResolution": 64,
    "BodyPartExamined": "BRAIN",
    "CoilCombinationMethod": "Adaptive Combine",
    "ConsistencyInfo": "N4_VE11C_LATEST_20160120",
    "ConversionSoftware": "dcm2niix",
    "ConversionSoftwareVersion": "v1.0.20220505",
    "DeviceSerialNumber": "167024",
    "EchoTime": 0.01003,
    "FlipAngle": 90,
    "FrameTimesStart": [
        0,
        31.8275,
        37.245,
        42.6625,
        48.08,
        53.4975,
        58.915,
        64.3325,
        69.75,
        75.1675,
        80.585,
        86.0025,
        91.42,
        96.8375,
        102.255,
        107.673,
        113.09,
        118.507,
        123.925,
        129.342,
        134.76,
        140.175,
        145.592,
        151.01,
        156.428,
        161.845,
        167.262,
        172.68,
        178.098,
        183.515,
        188.932,
        194.35,
        199.768,
        205.185,
        210.602,
        216.02,
        221.438,
        226.855,
        232.273,
        237.69,
        243.107,
        248.525,
        253.943,
        259.36,
        264.777,
        270.195,
        275.612,
        281.03,
        286.448,
        291.865,
        297.283,
        302.7,
        308.115,
        313.533,
        318.95,
        324.367,
        329.785,
        335.203,
        340.62,
        346.038,
        351.455,
        356.872,
        362.29,
        367.707,
        373.125,
        378.543,
        383.96,
        389.378,
        394.795,
        400.212,
        405.63,
        411.047,
        416.465,
        421.883,
        427.3,
        432.717,
        438.135,
        443.552,
        448.97,
        454.388
    ],
    "HeudiconvVersion": "1.3.2",
    "ImageComments": "20626_12182@BBL:EFR01",
    "ImageOrientationPatientDICOM": [
        1,
        0,
        0,
        0,
        1,
        0
    ],
    "ImageType": [
        "ORIGINAL",
        "PRIMARY",
        "M",
        "ND"
    ],
    "ImagingFrequency": 123.192,
    "InPlanePhaseEncodingDirectionDICOM": "COL",
    "InstitutionAddress": "Spruce Street 3400,Philadelphia,Pennsylvania,US,19104",
    "InstitutionName": "HUP",
    "MRAcquisitionType": "3D",
    "MagneticFieldStrength": 3,
    "Manufacturer": "Siemens",
    "ManufacturersModelName": "Prisma_fit",
    "MatrixCoilMode": "SENSE",
    "Modality": "MR",
    "PartialFourier": 1,
    "PatientPosition": "HFS",
    "PercentPhaseFOV": 100,
    "PercentSampling": 100,
    "PhaseEncodingSteps": 2,
    "PhaseResolution": 1,
    "PixelBandwidth": 400,
    "ProcedureStepDescription": "MR HEAD WO IV CONTRAST",
    "ProtocolName": "asl_acq-3dspiralv20unbalanced_asl",
    "PulseSequenceDetails": "%CustomerSeq%\\SPIRAL_V20_GE",
    "ReceiveCoilActiveElements": "HEA;HEP",
    "ReceiveCoilName": "Head_32",
    "ReconMatrixPE": 64,
    "RepetitionTime": 5.75174,
    "RepetitionTimeExcitation": 5.4174,
    "SAR": 0.704976,
    "ScanOptions": "SAT1\\FS",
    "ScanningSequence": "RM",
    "SequenceName": "Sp3d1",
    "SequenceVariant": "SS",
    "SeriesDescription": "asl_acq-3dspiralv20unbalanced_asl_ASL",
    "SeriesNumber": 21,
    "ShimSetting": [
        1801,
        -3886,
        -170,
        214,
        42,
        -68,
        159,
        -28
    ],
    "SliceThickness": 3.75,
    "SoftwareVersions": "syngo MR E11",
    "StationName": "HUP FNDBA MR2",
    "TxRefAmp": 322.508,
    "RepetitionTimePreparation": 4.29845,
    "ArterialSpinLabelingType": "PCASL",
    "PostLabelingDelay": 1.5,
    "TotalAcquiredPairs": 40,
    "BackgroundSuppressionNumberPulses": 2,
    "PCASLType": "unbalanced",
    "BackgroundSuppression": true,
    "LabelingDuration": 1.5,
    "M0Type": "Separate",
    "Obliquity": "False",
    "VoxelSizeDim1": 3.75,
    "VoxelSizeDim2": 3.75,
    "VoxelSizeDim3": 3.75,
    "Dim1Size": 64,
    "Dim2Size": 64,
    "Dim3Size": 32,
    "NumVolumes": 80,
    "ImageOrientation": "LAS+"
}