{
    "AcquisitionMatrixPE": 90,
    "AcquisitionNumber": 1,
    "AcquisitionTime": "15:09:9.777500",
    "BandwidthPerPixelPhaseEncode": 21.786,
    "BaseResolution": 90,
    "BodyPartExamined": "BRAIN",
    "CoilCombinationMethod": "Adaptive Combine",
    "ConsistencyInfo": "N4_VE11C_LATEST_20160120",
    "ConversionSoftware": "dcm2niix",
    "ConversionSoftwareVersion": "v1.0.20220505",
    "DerivedVendorReportedEchoSpacing": 0.000510012,
    "DeviceSerialNumber": "167024",
    "DwellTime": 2e-06,
    "EchoTime": 0.08,
    "EchoTrainLength": 90,
    "EffectiveEchoSpacing": 0.000510012,
    "FlipAngle": 90,
    "HeudiconvVersion": "1.3.2",
    "ImageOrientationPatientDICOM": [
        0.999848,
        -0.0075684,
        0.015726,
        -4.13435e-10,
        0.901077,
        0.433659
    ],
    "ImageOrientationText": "Tra>Cor(25.7)>Sag(1.0)",
    "ImageType": [
        "ORIGINAL",
        "PRIMARY",
        "M",
        "ND"
    ],
    "ImagingFrequency": 123.262,
    "InPlanePhaseEncodingDirectionDICOM": "COL",
    "InstitutionAddress": "Spruce Street 3400,Philadelphia,Pennsylvania,US,19104",
    "InstitutionName": "HUP",
    "InstitutionalDepartmentName": "Department",
    "MRAcquisitionType": "2D",
    "MagneticFieldStrength": 3,
    "Manufacturer": "Siemens",
    "ManufacturersModelName": "Prisma_fit",
    "MatrixCoilMode": "SENSE",
    "Modality": "MR",
    "PartialFourier": 1,
    "PatientPosition": "HFS",
    "PercentPhaseFOV": 100,
    "PercentSampling": 100,
    "PhaseEncodingDirection": "j",
    "PhaseEncodingSteps": 90,
    "PhaseResolution": 1,
    "PixelBandwidth": 2780,
    "ProcedureStepDescription": "MR HEAD WO IV CONTRAST",
    "ProtocolName": "ABCD_fMRI_DistortionMap_PA",
    "PulseSequenceDetails": "%CustomerSeq%\\ep2d_se_sms_abcd",
    "ReceiveCoilActiveElements": "HEA;HEP",
    "ReceiveCoilName": "Head_32",
    "ReconMatrixPE": 90,
    "RepetitionTime": 7.03,
    "SAR": 0.169939,
    "ScanOptions": "FS",
    "ScanningSequence": "EP",
    "SequenceName": "epse2d1_90",
    "SequenceVariant": "SK\\SP",
    "SeriesDescription": "ABCD_fMRI_DistortionMap_PA",
    "SeriesNumber": 16,
    "ShimSetting": [
        1747,
        -4017,
        -171,
        509,
        141,
        -295,
        275,
        15
    ],
    "SliceThickness": 2.4,
    "SliceTiming": [
        3.51562,
        0,
        3.625,
        0.10938,
        3.75,
        0.23438,
        3.85938,
        0.34375,
        3.98438,
        0.46875,
        4.09375,
        0.57812,
        4.21875,
        0.70312,
        4.32812,
        0.8125,
        4.45312,
        0.9375,
        4.5625,
        1.04688,
        4.6875,
        1.17188,
        4.79688,
        1.28125,
        4.92188,
        1.40625,
        5.03125,
        1.51562,
        5.15625,
        1.64062,
        5.26562,
        1.75,
        5.39062,
        1.875,
        5.5,
        1.98438,
        5.625,
        2.10938,
        5.73438,
        2.21875,
        5.85938,
        2.34375,
        5.96875,
        2.45312,
        6.09375,
        2.57812,
        6.20312,
        2.6875,
        6.32812,
        2.8125,
        6.4375,
        2.92188,
        6.5625,
        3.04688,
        6.67188,
        3.15625,
        6.79688,
        3.28125,
        6.90625,
        3.39062
    ],
    "SoftwareVersions": "syngo MR E11",
    "SpacingBetweenSlices": 2.4,
    "SpoilingState": true,
    "StationName": "HUP FNDBA MR2",
    "TotalReadoutTime": 0.045391,
    "TxRefAmp": 218.117,
    "VendorReportedEchoSpacing": 0.00051,
    "WipMemBlock": "ecad2ca1-b004-47b4-b011-d4ac6da96f2d",
    "Obliquity": "True",
    "VoxelSizeDim1": 2.4000000953674316,
    "VoxelSizeDim2": 2.4000000953674316,
    "VoxelSizeDim3": 2.4000000953674316,
    "Dim1Size": 90,
    "Dim2Size": 90,
    "Dim3Size": 60,
    "NumVolumes": 1,
    "ImageOrientation": "LAS+",
    "ParallelReductionFactorInPlane": 1,
    "PartialFourierDirection": "y",
    "B0FieldIdentifier": "fmap_fmri_ses_1",
    "IntendedFor": "ses-1/func/sub-20399_ses-1_task-nback_run-01_bold.nii.gz"
}
