{
    "AcquisitionMatrixPE": 140,
    "AcquisitionNumber": 1,
    "AcquisitionTime": "14:52:25.987500",
    "BandwidthPerPixelPhaseEncode": 10.352,
    "BaseResolution": 140,
    "BodyPartExamined": "BRAIN",
    "CoilCombinationMethod": "Adaptive Combine",
    "ConsistencyInfo": "N4_VE11C_LATEST_20160120",
    "ConversionSoftware": "dcm2niix",
    "ConversionSoftwareVersion": "v1.0.20220505",
    "DerivedVendorReportedEchoSpacing": 0.000689998,
    "DeviceSerialNumber": "167024",
    "DiffusionScheme": "Monopolar",
    "DwellTime": 2.1e-06,
    "EchoTime": 0.089,
    "EchoTrainLength": 105,
    "EffectiveEchoSpacing": 0.000689998,
    "FlipAngle": 90,
    "HeudiconvVersion": "1.3.2",
    "ImageOrientationPatientDICOM": [
        0.999848,
        -0.0075684,
        0.015726,
        -4.13435e-10,
        0.901077,
        0.433659
    ],
    "ImageOrientationText": "Tra>Cor(25.7)>Sag(1.0)",
    "ImageType": [
        "ORIGINAL",
        "PRIMARY",
        "DIFFUSION",
        "NONE",
        "ND"
    ],
    "ImagingFrequency": 123.262,
    "InPlanePhaseEncodingDirectionDICOM": "COL",
    "InstitutionAddress": "Spruce Street 3400,Philadelphia,Pennsylvania,US,19104",
    "InstitutionName": "HUP",
    "InstitutionalDepartmentName": "Department",
    "MRAcquisitionType": "2D",
    "MagneticFieldStrength": 3,
    "Manufacturer": "Siemens",
    "ManufacturersModelName": "Prisma_fit",
    "MatrixCoilMode": "SENSE",
    "Modality": "MR",
    "PartialFourier": 0.75,
    "PatientPosition": "HFS",
    "PercentPhaseFOV": 100,
    "PercentSampling": 100,
    "PhaseEncodingDirection": "j-",
    "PhaseEncodingSteps": 105,
    "PhaseResolution": 1,
    "PixelBandwidth": 1700,
    "ProcedureStepDescription": "MR HEAD WO IV CONTRAST",
    "ProtocolName": "ABCD_dMRI_DistortionMap_AP",
    "PulseSequenceDetails": "%CustomerSeq%\\ep2d_diff_sms_abcd",
    "ReceiveCoilActiveElements": "HEA;HEP",
    "ReceiveCoilName": "Head_32",
    "ReconMatrixPE": 140,
    "RepetitionTime": 12.4,
    "SAR": 0.134254,
    "ScanOptions": "PFP\\FS",
    "ScanningSequence": "EP",
    "SequenceName": "ep_b0",
    "SequenceVariant": "SK\\SP",
    "SeriesDescription": "ABCD_dMRI_DistortionMap_AP",
    "SeriesNumber": 11,
    "ShimSetting": [
        1735,
        -3982,
        -166,
        514,
        166,
        -251,
        241,
        54
    ],
    "SliceThickness": 1.7,
    "SliceTiming": [
        0,
        6.26562,
        0.15625,
        6.42188,
        0.3125,
        6.57812,
        0.45312,
        6.71875,
        0.60938,
        6.875,
        0.76562,
        7.03125,
        0.92188,
        7.1875,
        1.07812,
        7.34375,
        1.21875,
        7.48438,
        1.375,
        7.64062,
        1.53125,
        7.79688,
        1.6875,
        7.95312,
        1.82812,
        8.10938,
        1.98438,
        8.25,
        2.14062,
        8.40625,
        2.29688,
        8.5625,
        2.45312,
        8.71875,
        2.59375,
        8.85938,
        2.75,
        9.01562,
        2.90625,
        9.17188,
        3.0625,
        9.32812,
        3.20312,
        9.48438,
        3.35938,
        9.625,
        3.51562,
        9.78125,
        3.67188,
        9.9375,
        3.82812,
        10.0938,
        3.96875,
        10.2344,
        4.125,
        10.3906,
        4.28125,
        10.5469,
        4.4375,
        10.7031,
        4.57812,
        10.8594,
        4.73438,
        11,
        4.89062,
        11.1562,
        5.04688,
        11.3125,
        5.20312,
        11.4688,
        5.34375,
        11.625,
        5.5,
        11.7656,
        5.65625,
        11.9219,
        5.8125,
        12.0781,
        5.96875,
        12.2344,
        6.10938
    ],
    "SoftwareVersions": "syngo MR E11",
    "SpacingBetweenSlices": 1.7,
    "SpoilingState": true,
    "StationName": "HUP FNDBA MR2",
    "TotalReadoutTime": 0.0959097,
    "TxRefAmp": 218.117,
    "VendorReportedEchoSpacing": 0.00069,
    "WipMemBlock": "c840e147-2c52-4db0-acc1-fc5fbd751762",
    "Obliquity": "True",
    "VoxelSizeDim1": 1.7142857313156128,
    "VoxelSizeDim2": 1.7142857313156128,
    "VoxelSizeDim3": 1.7000000476837158,
    "Dim1Size": 140,
    "Dim2Size": 140,
    "Dim3Size": 81,
    "NumVolumes": 1,
    "ImageOrientation": "LAS+",
    "ParallelReductionFactorInPlane": 1,
    "PartialFourierDirection": "y",
    "B0FieldIdentifier": "fmap_dwi_ap_ses-1",
    "IntendedFor": "ses-1/dwi/sub-20399_ses-1_run-01_dwi.nii.gz"
}