{
  "AcquisitionMatrixPE": 120,
  "AcquisitionNumber": 1,
  "AcquisitionTime": "16:06:37.512500",
  "BaseResolution": 160,
  "BodyPartExamined": "BRAIN",
  "CoilCombinationMethod": "Adaptive Combine",
  "ConsistencyInfo": "N4_VE11C_LATEST_20160120",
  "ConversionSoftware": "dcm2niix",
  "ConversionSoftwareVersion": "v1.0.20220505",
  "DeviceSerialNumber": "167024",
  "DwellTime": 1.57e-05,
  "EchoNumber": 2,
  "EchoTime": 0.015,
  "EchoTime1": 0.0075,
  "EchoTime2": 0.015,
  "EchoTrainLength": 4,
  "FlipAngle": 15,
  "HeudiconvVersion": "1.3.2",
  "ImageComments": "21553_11824@bbl:efr01",
  "ImageOrientationPatientDICOM": [
    1,
    4.897e-12,
    0,
    -4.897e-12,
    1,
    0
  ],
  "ImageOrientationText": "Tra",
  "ImageType": [
    "ORIGINAL",
    "PRIMARY",
    "P",
    "ND",
    "PHASE"
  ],
  "ImagingFrequency": 123.262,
  "InPlanePhaseEncodingDirectionDICOM": "ROW",
  "InstitutionAddress": "Spruce Street 3400,Philadelphia,Pennsylvania,US,19104",
  "InstitutionName": "HUP",
  "InstitutionalDepartmentName": "Department",
  "MRAcquisitionType": "3D",
  "MagneticFieldStrength": 3,
  "Manufacturer": "Siemens",
  "ManufacturersModelName": "Prisma_fit",
  "MatrixCoilMode": "GRAPPA",
  "Modality": "MR",
  "ParallelReductionFactorInPlane": 2,
  "PartialFourier": 1,
  "PatientPosition": "HFS",
  "PercentPhaseFOV": 75,
  "PercentSampling": 100,
  "PhaseEncodingDirection": "i",
  "PhaseEncodingSteps": 119,
  "PhaseResolution": 1,
  "PixelBandwidth": 200,
  "ProcedureStepDescription": "MR HEAD WO IV CONTRAST",
  "ProtocolName": "qsm_acq-1.5mm_GRE",
  "PulseSequenceDetails": "%SiemensSeq%\\gre",
  "ReceiveCoilActiveElements": "HEA;HEP",
  "ReceiveCoilName": "Head_32",
  "ReconMatrixPE": 120,
  "RefLinesPE": 24,
  "RepetitionTime": 0.035,
  "SAR": 0.0150283,
  "ScanningSequence": "GR",
  "SequenceName": "*fl3d4r",
  "SequenceVariant": "SP",
  "SeriesDescription": "qsm_acq-1.5mm_GRE",
  "SeriesNumber": 26,
  "ShimSetting": [
    1768,
    -3925,
    -207,
    406,
    -21,
    -172,
    -62,
    -9
  ],
  "SliceThickness": 1.5,
  "SoftwareVersions": "syngo MR E11",
  "StationName": "HUP FNDBA MR2",
  "TxRefAmp": 214.1,
  "Obliquity": "False",
  "VoxelSizeDim1": 1.5,
  "VoxelSizeDim2": 1.5,
  "VoxelSizeDim3": 1.5,
  "Dim1Size": 120,
  "Dim2Size": 160,
  "Dim3Size": 96,
  "NumVolumes": 1,
  "ImageOrientation": "RAS+",
  "Units": "arbitrary"
}
