{
    "AcquisitionMatrixPE": 64,
    "AcquisitionNumber": 1,
    "AcquisitionTime": "10:34:30.217500",
    "BaseResolution": 64,
    "BodyPartExamined": "BRAIN",
    "CoilCombinationMethod": "Adaptive Combine",
    "ConsistencyInfo": "N4_VE11C_LATEST_20160120",
    "ConversionSoftware": "dcm2niix",
    "ConversionSoftwareVersion": "v1.0.20220505",
    "DeviceSerialNumber": "167024",
    "EchoTime": 0.01003,
    "FlipAngle": 90,
    "FrameTimesStart": [
        0,
        28.08,
        32.2475,
        36.415,
        40.585,
        44.7525,
        48.92,
        53.09,
        57.2575,
        61.4275,
        65.595,
        69.7625,
        73.9325,
        78.1,
        82.2675,
        86.4375,
        90.605,
        94.775,
        98.9425,
        103.11,
        107.28,
        111.448,
        115.615,
        119.785,
        123.952,
        128.12,
        132.29,
        136.458,
        140.628,
        144.795,
        148.962,
        153.133,
        157.3,
        161.467,
        165.637,
        169.805,
        173.975,
        178.143,
        182.31,
        186.48,
        190.648,
        194.815,
        198.985,
        203.152,
        207.32,
        211.49,
        215.658,
        219.827,
        223.995,
        228.163,
        232.333,
        236.5,
        240.667,
        244.837,
        249.005,
        253.175,
        257.342,
        261.51,
        265.68,
        269.848,
        274.015,
        278.185,
        282.353,
        286.52,
        290.69,
        294.858,
        299.027,
        303.195,
        307.362,
        311.533,
        315.7,
        319.867,
        324.038,
        328.205,
        332.375,
        336.543,
        340.71,
        344.88,
        349.047,
        353.215
    ],
    "HeudiconvVersion": "1.3.2",
    "ImageComments": "20328_11678@BBL:EFR01",
    "ImageOrientationPatientDICOM": [
        1,
        0,
        0,
        0,
        1,
        0
    ],
    "ImageType": [
        "ORIGINAL",
        "PRIMARY",
        "M",
        "ND"
    ],
    "ImagingFrequency": 123.261,
    "InPlanePhaseEncodingDirectionDICOM": "COL",
    "InstitutionAddress": "Spruce Street 3400,Philadelphia,Pennsylvania,US,19104",
    "InstitutionName": "HUP",
    "MRAcquisitionType": "3D",
    "MagneticFieldStrength": 3,
    "Manufacturer": "Siemens",
    "ManufacturersModelName": "Prisma_fit",
    "MatrixCoilMode": "SENSE",
    "Modality": "MR",
    "PartialFourier": 1,
    "PatientPosition": "HFS",
    "PercentPhaseFOV": 100,
    "PercentSampling": 100,
    "PhaseEncodingSteps": 2,
    "PhaseResolution": 1,
    "PixelBandwidth": 400,
    "ProcedureStepDescription": "MR HEAD WO IV CONTRAST",
    "ProtocolName": "asl_acq-3dspiralv20unbalanced_asl",
    "PulseSequenceDetails": "%CustomerSeq%\\SPIRAL_V20_GE",
    "ReceiveCoilActiveElements": "HEA;HEP",
    "ReceiveCoilName": "Head_32",
    "ReconMatrixPE": 64,
    "RepetitionTime": 4.47108,
    "RepetitionTimeExcitation": 4.1684,
    "SAR": 0.930413,
    "ScanOptions": "SAT1\\FS",
    "ScanningSequence": "RM",
    "SequenceName": "Sp3d1",
    "SequenceVariant": "SS",
    "SeriesDescription": "asl_acq-3dspiralv20unbalanced_asl_ASL",
    "SeriesNumber": 21,
    "ShimSetting": [
        1749,
        -3879,
        -100,
        689,
        98,
        -28,
        79,
        -26
    ],
    "SliceThickness": 3.75,
    "SoftwareVersions": "syngo MR E11",
    "StationName": "HUP FNDBA MR2",
    "TxRefAmp": 297.618,
    "RepetitionTimePreparation": 4.29845,
    "ArterialSpinLabelingType": "PCASL",
    "PostLabelingDelay": 1.5,
    "TotalAcquiredPairs": 40,
    "BackgroundSuppressionNumberPulses": 2,
    "PCASLType": "unbalanced",
    "BackgroundSuppression": true,
    "LabelingDuration": 1.5,
    "M0Type": "Separate",
    "Obliquity": "False",
    "VoxelSizeDim1": 3.75,
    "VoxelSizeDim2": 3.75,
    "VoxelSizeDim3": 3.75,
    "Dim1Size": 64,
    "Dim2Size": 64,
    "Dim3Size": 32,
    "NumVolumes": 80,
    "ImageOrientation": "LAS+"
}