{
    "AcquisitionMatrixPE": 64,
    "AcquisitionNumber": 1,
    "AcquisitionTime": "19:34:4.932500",
    "BaseResolution": 64,
    "BodyPartExamined": "BRAIN",
    "CoilCombinationMethod": "Adaptive Combine",
    "ConsistencyInfo": "N4_VE11C_LATEST_20160120",
    "ConversionSoftware": "dcm2niix",
    "ConversionSoftwareVersion": "v1.0.20220505",
    "DeviceSerialNumber": "167024",
    "EchoTime": 0.01003,
    "FlipAngle": 90,
    "FrameTimesStart": [
        0,
        29.405,
        34.015,
        38.625,
        43.2375,
        47.8475,
        52.4575,
        57.0675,
        61.6775,
        66.2875,
        70.9,
        75.51,
        80.12,
        84.73,
        89.34,
        93.95,
        98.5625,
        103.173,
        107.783,
        112.393,
        117.003,
        121.613,
        126.225,
        130.835,
        135.445,
        140.055,
        144.665,
        149.275,
        153.887,
        158.497,
        163.107,
        167.717,
        172.327,
        176.938,
        181.55,
        186.16,
        190.77,
        195.38,
        199.99,
        204.6,
        209.212,
        213.822,
        218.432,
        223.042,
        227.652,
        232.262,
        236.875,
        241.485,
        246.095,
        250.705,
        255.315,
        259.925,
        264.538,
        269.147,
        273.758,
        278.367,
        282.978,
        287.59,
        292.2,
        296.81,
        301.42,
        306.03,
        310.64,
        315.253,
        319.862,
        324.473,
        329.082,
        333.693,
        338.302,
        342.915,
        347.525,
        352.135,
        356.745,
        361.355,
        365.965,
        370.578,
        375.188,
        379.797,
        384.408,
        389.017
    ],
    "HeudiconvVersion": "1.3.2",
    "ImageComments": "21224_11625@BBL:EFR01",
    "ImageOrientationPatientDICOM": [
        1,
        0,
        0,
        0,
        1,
        0
    ],
    "ImageType": [
        "ORIGINAL",
        "PRIMARY",
        "M",
        "ND"
    ],
    "ImagingFrequency": 123.262,
    "InPlanePhaseEncodingDirectionDICOM": "COL",
    "InstitutionAddress": "Spruce Street 3400,Philadelphia,Pennsylvania,US,19104",
    "InstitutionName": "HUP",
    "MRAcquisitionType": "3D",
    "MagneticFieldStrength": 3,
    "Manufacturer": "Siemens",
    "ManufacturersModelName": "Prisma_fit",
    "MatrixCoilMode": "SENSE",
    "Modality": "MR",
    "PartialFourier": 1,
    "PatientPosition": "HFS",
    "PercentPhaseFOV": 100,
    "PercentSampling": 100,
    "PhaseEncodingSteps": 2,
    "PhaseResolution": 1,
    "PixelBandwidth": 400,
    "ProcedureStepDescription": "MR HEAD WO IV CONTRAST",
    "ProtocolName": "asl_acq-3dspiralv20unbalanced_asl",
    "PulseSequenceDetails": "%CustomerSeq%\\SPIRAL_V20_GE",
    "ReceiveCoilActiveElements": "HEA;HEP",
    "ReceiveCoilName": "Head_32",
    "ReconMatrixPE": 64,
    "RepetitionTime": 4.92427,
    "RepetitionTimeExcitation": 4.6104,
    "SAR": 0.773284,
    "ScanOptions": "SAT1\\FS",
    "ScanningSequence": "RM",
    "SequenceName": "Sp3d1",
    "SequenceVariant": "SS",
    "SeriesDescription": "asl_acq-3dspiralv20unbalanced_asl_ASL",
    "SeriesNumber": 21,
    "ShimSetting": [
        1715,
        -3928,
        -134,
        592,
        -31,
        -285,
        95,
        -59
    ],
    "SliceThickness": 3.75,
    "SoftwareVersions": "syngo MR E11",
    "StationName": "HUP FNDBA MR2",
    "TxRefAmp": 313.889,
    "RepetitionTimePreparation": 4.29845,
    "ArterialSpinLabelingType": "PCASL",
    "PostLabelingDelay": 1.5,
    "TotalAcquiredPairs": 40,
    "BackgroundSuppressionNumberPulses": 2,
    "PCASLType": "unbalanced",
    "BackgroundSuppression": true,
    "LabelingDuration": 1.5,
    "M0Type": "Separate",
    "Obliquity": "False",
    "VoxelSizeDim1": 3.75,
    "VoxelSizeDim2": 3.75,
    "VoxelSizeDim3": 3.75,
    "Dim1Size": 64,
    "Dim2Size": 64,
    "Dim3Size": 32,
    "NumVolumes": 80,
    "ImageOrientation": "LAS+"
}