{
    "AcquisitionMatrixPE": 256,
    "AcquisitionNumber": 1,
    "AcquisitionTime": "10:28:53.030000",
    "BaseResolution": 256,
    "BodyPartExamined": "BRAIN",
    "CoilCombinationMethod": "Adaptive Combine",
    "ConsistencyInfo": "N4_VE11C_LATEST_20160120",
    "ConversionSoftware": "dcm2niix",
    "ConversionSoftwareVersion": "v1.0.20220505",
    "DeviceSerialNumber": "167024",
    "DwellTime": 8.2e-06,
    "EchoTime": 0.0029,
    "FlipAngle": 8,
    "HeudiconvVersion": "1.3.2",
    "ImageComments": "20818_11385@BBL:EFR01",
    "ImageOrientationPatientDICOM": [
        0,
        1,
        0,
        0,
        0,
        -1
    ],
    "ImageOrientationText": "Sag",
    "ImageType": [
        "ORIGINAL",
        "PRIMARY",
        "M",
        "ND",
        "NORM"
    ],
    "ImagingFrequency": 123.261,
    "InPlanePhaseEncodingDirectionDICOM": "ROW",
    "InstitutionAddress": "Spruce Street 3400,Philadelphia,Pennsylvania,US,19104",
    "InstitutionName": "HUP",
    "InstitutionalDepartmentName": "Department",
    "InversionTime": 1.07,
    "MRAcquisitionType": "3D",
    "MagneticFieldStrength": 3,
    "Manufacturer": "Siemens",
    "ManufacturersModelName": "Prisma_fit",
    "MatrixCoilMode": "GRAPPA",
    "Modality": "MR",
    "ParallelReductionFactorInPlane": 2,
    "PartialFourier": 1,
    "PatientPosition": "HFS",
    "PercentPhaseFOV": 100,
    "PercentSampling": 100,
    "PhaseEncodingSteps": 255,
    "PhaseResolution": 1,
    "PixelBandwidth": 240,
    "ProcedureStepDescription": "BRAIN RESEARCH^SATTERTHWAITE",
    "ProtocolName": "anat_T1w",
    "PulseSequenceDetails": "%CustomerSeq%\\tfl_mgh_epinav_ABCD",
    "ReceiveCoilActiveElements": "HEA;HEP",
    "ReceiveCoilName": "Head_32",
    "ReconMatrixPE": 256,
    "RefLinesPE": 32,
    "RepetitionTime": 2.5,
    "SAR": 0.0473813,
    "ScanOptions": "IR\\WE",
    "ScanningSequence": "GR\\IR",
    "SequenceName": "tfl3d1_16ns",
    "SequenceVariant": "SK\\SP\\MP",
    "SeriesDescription": "anat_T1w",
    "SeriesNumber": 9,
    "ShimSetting": [
        1742,
        -3952,
        -233,
        460,
        34,
        -167,
        280,
        33
    ],
    "SliceThickness": 1,
    "SoftwareVersions": "syngo MR E11",
    "SpoilingState": true,
    "StationName": "HUP FNDBA MR2",
    "TxRefAmp": 215.618,
    "WipMemBlock": "Prisma_epi_moco_navigator_ABCD_tfl.prot",
    "Obliquity": "False",
    "VoxelSizeDim1": 1.0,
    "VoxelSizeDim2": 1.0,
    "VoxelSizeDim3": 1.0,
    "Dim1Size": 176,
    "Dim2Size": 256,
    "Dim3Size": 256,
    "NumVolumes": 1,
    "ImageOrientation": "RAS+"
}