{
    "AcquisitionMatrixPE": 140,
    "AcquisitionNumber": 1,
    "AcquisitionTime": "16:20:54.065000",
    "BandwidthPerPixelPhaseEncode": 10.352,
    "BaseResolution": 140,
    "BodyPartExamined": "BRAIN",
    "CoilCombinationMethod": "Adaptive Combine",
    "ConsistencyInfo": "N4_VE11C_LATEST_20160120",
    "ConversionSoftware": "dcm2niix",
    "ConversionSoftwareVersion": "v1.0.20220505",
    "DerivedVendorReportedEchoSpacing": 0.000689998,
    "DeviceSerialNumber": "167024",
    "DiffusionScheme": "Monopolar",
    "DwellTime": 2.1e-06,
    "EchoTime": 0.089,
    "EchoTrainLength": 105,
    "EffectiveEchoSpacing": 0.000689998,
    "FlipAngle": 90,
    "HeudiconvVersion": "1.3.2",
    "ImageOrientationPatientDICOM": [
        0.997564,
        -0.0160475,
        0.0678855,
        4.34555e-09,
        0.973179,
        0.23005
    ],
    "ImageOrientationText": "Tra>Cor(13.3)>Sag(4.0)",
    "ImageType": [
        "ORIGINAL",
        "PRIMARY",
        "DIFFUSION",
        "NONE",
        "ND",
        "MOSAIC"
    ],
    "ImagingFrequency": 123.262,
    "InPlanePhaseEncodingDirectionDICOM": "COL",
    "InstitutionAddress": "Spruce Street 3400,Philadelphia,Pennsylvania,US,19104",
    "InstitutionName": "HUP",
    "InstitutionalDepartmentName": "Department",
    "MRAcquisitionType": "2D",
    "MagneticFieldStrength": 3,
    "Manufacturer": "Siemens",
    "ManufacturersModelName": "Prisma_fit",
    "Modality": "MR",
    "MultibandAccelerationFactor": 3,
    "PartialFourier": 0.75,
    "PatientPosition": "HFS",
    "PercentPhaseFOV": 100,
    "PercentSampling": 100,
    "PhaseEncodingDirection": "j",
    "PhaseEncodingSteps": 105,
    "PhaseResolution": 1,
    "PixelBandwidth": 1700,
    "ProcedureStepDescription": "MR HEAD WO IV CONTRAST",
    "ProtocolName": "ABCD_dMRI",
    "PulseSequenceDetails": "%CustomerSeq%\\ep2d_diff_sms_abcd",
    "ReceiveCoilActiveElements": "HEA;HEP",
    "ReceiveCoilName": "Head_32",
    "ReconMatrixPE": 140,
    "RefLinesPE": 71,
    "RepetitionTime": 4.2,
    "SAR": 0.235098,
    "ScanOptions": "PFP\\FS",
    "ScanningSequence": "EP",
    "SequenceName": "ep_b0",
    "SequenceVariant": "SK\\SP",
    "SeriesDescription": "ABCD_dMRI",
    "SeriesNumber": 9,
    "ShimSetting": [
        1770,
        -3943,
        -203,
        546,
        106,
        -283,
        145,
        -42
    ],
    "SliceThickness": 1.7,
    "SliceTiming": [
        0,
        2.1675,
        0.155,
        2.3225,
        0.31,
        2.4775,
        0.465,
        2.6325,
        0.62,
        2.7875,
        0.775,
        2.9425,
        0.93,
        3.095,
        1.0825,
        3.25,
        1.2375,
        3.405,
        1.3925,
        3.56,
        1.5475,
        3.715,
        1.7025,
        3.87,
        1.8575,
        4.025,
        2.0125,
        0,
        2.1675,
        0.155,
        2.3225,
        0.31,
        2.4775,
        0.465,
        2.6325,
        0.62,
        2.7875,
        0.775,
        2.9425,
        0.93,
        3.095,
        1.0825,
        3.25,
        1.2375,
        3.405,
        1.3925,
        3.56,
        1.5475,
        3.715,
        1.7025,
        3.87,
        1.8575,
        4.025,
        2.0125,
        0,
        2.1675,
        0.155,
        2.3225,
        0.31,
        2.4775,
        0.465,
        2.6325,
        0.62,
        2.7875,
        0.775,
        2.9425,
        0.93,
        3.095,
        1.0825,
        3.25,
        1.2375,
        3.405,
        1.3925,
        3.56,
        1.5475,
        3.715,
        1.7025,
        3.87,
        1.8575,
        4.025,
        2.0125
    ],
    "SoftwareVersions": "syngo MR E11",
    "SpacingBetweenSlices": 1.7,
    "SpoilingState": true,
    "StationName": "HUP FNDBA MR2",
    "TotalReadoutTime": 0.0959097,
    "TxRefAmp": 254.986,
    "VendorReportedEchoSpacing": 0.00069,
    "WipMemBlock": "0e4e5700-4efc-4544-8fa5-f26b8f77ca85",
    "Obliquity": "True",
    "VoxelSizeDim1": 1.7142857313156128,
    "VoxelSizeDim2": 1.7142857313156128,
    "VoxelSizeDim3": 1.7000000476837158,
    "Dim1Size": 140,
    "Dim2Size": 140,
    "Dim3Size": 81,
    "NumVolumes": 103,
    "ImageOrientation": "LAS+",
    "PartialFourierDirection": "y"
}