{
    "AcquisitionMatrixPE": 64,
    "AcquisitionNumber": 1,
    "AcquisitionTime": "17:07:48.960000",
    "BaseResolution": 64,
    "BodyPartExamined": "BRAIN",
    "CoilCombinationMethod": "Adaptive Combine",
    "ConsistencyInfo": "N4_VE11C_LATEST_20160120",
    "ConversionSoftware": "dcm2niix",
    "ConversionSoftwareVersion": "v1.0.20220505",
    "DeviceSerialNumber": "167024",
    "DwellTime": 3.91e-05,
    "EchoTime": 0.01003,
    "FlipAngle": 90,
    "FrameTimesStart": [
        0,
        27.575,
        31.575,
        35.575,
        39.575,
        43.575,
        47.575,
        51.575,
        55.575,
        59.575,
        63.575,
        67.575,
        71.575,
        75.575,
        79.575,
        83.575,
        87.575,
        91.575,
        95.575,
        99.575,
        103.575,
        107.575,
        111.575,
        115.575,
        119.575,
        123.575,
        127.575,
        131.575,
        135.575,
        139.575,
        143.575,
        147.575,
        151.577,
        155.577,
        159.577,
        163.577,
        167.577,
        171.577,
        175.577,
        179.577,
        183.577,
        187.577,
        191.577,
        195.577,
        199.577,
        203.577,
        207.577,
        211.577,
        215.577,
        219.577,
        223.577,
        227.577,
        231.577,
        235.577,
        239.577,
        243.577,
        247.577,
        251.577,
        255.577,
        259.578,
        263.578,
        267.578,
        271.578,
        275.578,
        279.578,
        283.578,
        287.578,
        291.578,
        295.578,
        299.578,
        303.578,
        307.578,
        311.578,
        315.578,
        319.578,
        323.578,
        327.578,
        331.578,
        335.578,
        339.578
    ],
    "HeudiconvVersion": "1.3.2",
    "ImageOrientationPatientDICOM": [
        1,
        0,
        0,
        0,
        1,
        0
    ],
    "ImageOrientationText": "Tra",
    "ImageType": [
        "ORIGINAL",
        "PRIMARY",
        "M",
        "ND"
    ],
    "ImagingFrequency": 123.262,
    "InPlanePhaseEncodingDirectionDICOM": "COL",
    "InstitutionAddress": "Spruce Street 3400,Philadelphia,Pennsylvania,US,19104",
    "InstitutionName": "HUP",
    "InstitutionalDepartmentName": "Department",
    "MRAcquisitionType": "3D",
    "MagneticFieldStrength": 3,
    "Manufacturer": "Siemens",
    "ManufacturersModelName": "Prisma_fit",
    "MatrixCoilMode": "SENSE",
    "Modality": "MR",
    "PartialFourier": 1,
    "PatientPosition": "HFS",
    "PercentPhaseFOV": 100,
    "PercentSampling": 100,
    "PhaseEncodingSteps": 2,
    "PhaseResolution": 1,
    "PixelBandwidth": 400,
    "ProcedureStepDescription": "MR HEAD WO IV CONTRAST",
    "ProtocolName": "ASL_3DSPIRAL_V20_GE_UnBalanced",
    "PulseSequenceDetails": "%CustomerSeq%\\SPIRAL_V20_GE",
    "ReceiveCoilActiveElements": "HEA;HEP",
    "ReceiveCoilName": "Head_32",
    "ReconMatrixPE": 64,
    "RepetitionTime": 4.29845,
    "RepetitionTimeExcitation": 4,
    "SAR": 0.827766,
    "ScanOptions": "SAT1\\FS",
    "ScanningSequence": "RM",
    "SequenceName": "Sp3d1",
    "SequenceVariant": "SS",
    "SeriesDescription": "ASL_3DSPIRAL_V20_GE_UnBalanced_ASL",
    "SeriesNumber": 21,
    "ShimSetting": [
        1768,
        -3897,
        -153,
        732,
        118,
        -19,
        92,
        -2
    ],
    "SliceThickness": 3.75,
    "SoftwareVersions": "syngo MR E11",
    "StationName": "HUP FNDBA MR2",
    "TxRefAmp": 237.302,
    "Obliquity": "False",
    "VoxelSizeDim1": 3.75,
    "VoxelSizeDim2": 3.75,
    "VoxelSizeDim3": 3.75,
    "Dim1Size": 64,
    "Dim2Size": 64,
    "Dim3Size": 32,
    "NumVolumes": 80,
    "ImageOrientation": "LAS+",
    "RepetitionTimePreparation": 4.29845,
    "ArterialSpinLabelingType": "PCASL",
    "PostLabelingDelay": 1.5,
    "TotalAcquiredPairs": 40,
    "BackgroundSuppressionNumberPulses": 2,
    "PCASLType": "unbalanced",
    "BackgroundSuppression": true,
    "LabelingDuration": 1.5,
    "M0Type": "Separate"
}