{
    "AcquisitionMatrixPE": 90,
    "AcquisitionNumber": 1,
    "AcquisitionTime": "11:05:16.142500",
    "BandwidthPerPixelPhaseEncode": 21.786,
    "BaseResolution": 90,
    "BodyPartExamined": "BRAIN",
    "CoilCombinationMethod": "Adaptive Combine",
    "ConsistencyInfo": "N4_VE11C_LATEST_20160120",
    "ConversionSoftware": "dcm2niix",
    "ConversionSoftwareVersion": "v1.0.20220505",
    "DerivedVendorReportedEchoSpacing": 0.000510012,
    "DeviceSerialNumber": "167024",
    "DwellTime": 2e-06,
    "EchoTime": 0.08,
    "EchoTrainLength": 90,
    "EffectiveEchoSpacing": 0.000510012,
    "FlipAngle": 90,
    "HeudiconvVersion": "1.3.2",
    "ImageOrientationPatientDICOM": [
        0.998719,
        -0.00948019,
        0.0496968,
        2.11936e-08,
        0.982287,
        0.187381
    ],
    "ImageOrientationText": "Tra>Cor(10.8)>Sag(2.9)",
    "ImageType": [
        "ORIGINAL",
        "PRIMARY",
        "M",
        "ND"
    ],
    "ImagingFrequency": 123.262,
    "InPlanePhaseEncodingDirectionDICOM": "COL",
    "InstitutionAddress": "Spruce Street 3400,Philadelphia,Pennsylvania,US,19104",
    "InstitutionName": "HUP",
    "InstitutionalDepartmentName": "Department",
    "MRAcquisitionType": "2D",
    "MagneticFieldStrength": 3,
    "Manufacturer": "Siemens",
    "ManufacturersModelName": "Prisma_fit",
    "MatrixCoilMode": "SENSE",
    "Modality": "MR",
    "PartialFourier": 1,
    "PatientPosition": "HFS",
    "PercentPhaseFOV": 100,
    "PercentSampling": 100,
    "PhaseEncodingDirection": "j-",
    "PhaseEncodingSteps": 90,
    "PhaseResolution": 1,
    "PixelBandwidth": 2780,
    "ProcedureStepDescription": "MR HEAD WO IV CONTRAST",
    "ProtocolName": "ABCD_fMRI_DistortionMap_AP",
    "PulseSequenceDetails": "%CustomerSeq%\\ep2d_se_sms_abcd",
    "ReceiveCoilActiveElements": "HEA;HEP",
    "ReceiveCoilName": "Head_32",
    "ReconMatrixPE": 90,
    "RepetitionTime": 7.03,
    "SAR": 0.164691,
    "ScanOptions": "FS",
    "ScanningSequence": "EP",
    "SequenceName": "epse2d1_90",
    "SequenceVariant": "SK\\SP",
    "SeriesDescription": "ABCD_fMRI_DistortionMap_AP",
    "SeriesNumber": 17,
    "ShimSetting": [
        1750,
        -3885,
        -356,
        495,
        141,
        -104,
        157,
        -31
    ],
    "SliceThickness": 2.4,
    "SliceTiming": [
        3.51562,
        0,
        3.63281,
        0.11719,
        3.75,
        0.23438,
        3.86719,
        0.35156,
        3.98438,
        0.46875,
        4.10156,
        0.58594,
        4.21875,
        0.70312,
        4.33594,
        0.82031,
        4.45312,
        0.9375,
        4.57031,
        1.05469,
        4.6875,
        1.17188,
        4.80469,
        1.28906,
        4.92188,
        1.40625,
        5.03906,
        1.52344,
        5.15625,
        1.64062,
        5.27344,
        1.75781,
        5.39062,
        1.875,
        5.50781,
        1.99219,
        5.625,
        2.10938,
        5.74219,
        2.22656,
        5.85938,
        2.34375,
        5.97656,
        2.46094,
        6.09375,
        2.57812,
        6.21094,
        2.69531,
        6.32812,
        2.8125,
        6.44531,
        2.92969,
        6.5625,
        3.04688,
        6.67969,
        3.16406,
        6.79688,
        3.28125,
        6.91406,
        3.39844
    ],
    "SoftwareVersions": "syngo MR E11",
    "SpacingBetweenSlices": 2.4,
    "SpoilingState": true,
    "StationName": "HUP FNDBA MR2",
    "TotalReadoutTime": 0.045391,
    "TxRefAmp": 238.784,
    "VendorReportedEchoSpacing": 0.00051,
    "WipMemBlock": "b609fb29-92da-42ea-a82d-869d3c265d42",
    "Obliquity": "True",
    "VoxelSizeDim1": 2.4000000953674316,
    "VoxelSizeDim2": 2.4000000953674316,
    "VoxelSizeDim3": 2.4000000953674316,
    "Dim1Size": 90,
    "Dim2Size": 90,
    "Dim3Size": 60,
    "NumVolumes": 1,
    "ImageOrientation": "LAS+",
    "ParallelReductionFactorInPlane": 1,
    "PartialFourierDirection": "y",
    "B0FieldIdentifier": "fmap_fmri_ses_1",
    "IntendedFor": [
        "ses-1/func/sub-20333_ses-1_task-nback_run-01_bold.nii.gz",
        "ses-1/func/sub-20333_ses-1_task-rest_run-01_bold.nii.gz"
    ]
}
