{
    "AcquisitionMatrixPE": 90,
    "AcquisitionNumber": 1,
    "AcquisitionTime": "16:00:31.070000",
    "BandwidthPerPixelPhaseEncode": 21.786,
    "BaseResolution": 90,
    "BodyPartExamined": "BRAIN",
    "CoilCombinationMethod": "Adaptive Combine",
    "ConsistencyInfo": "N4_VE11C_LATEST_20160120",
    "ConversionSoftware": "dcm2niix",
    "ConversionSoftwareVersion": "v1.0.20220505",
    "DerivedVendorReportedEchoSpacing": 0.000510012,
    "DeviceSerialNumber": "167024",
    "EchoTime": 0.08,
    "EchoTrainLength": 90,
    "EffectiveEchoSpacing": 0.000510012,
    "FlipAngle": 90,
    "HeudiconvVersion": "1.3.2",
    "ImageComments": "21116_11480@BBL:EFR01",
    "ImageOrientationPatientDICOM": [
        0.999981,
        -0.0028939,
        0.00544255,
        -2.65919e-08,
        0.882943,
        0.46948
    ],
    "ImageType": [
        "ORIGINAL",
        "PRIMARY",
        "M",
        "ND"
    ],
    "ImagingFrequency": 123.261,
    "InPlanePhaseEncodingDirectionDICOM": "COL",
    "InstitutionAddress": "Spruce Street 3400,Philadelphia,Pennsylvania,US,19104",
    "InstitutionName": "HUP",
    "MRAcquisitionType": "2D",
    "MagneticFieldStrength": 3,
    "Manufacturer": "Siemens",
    "ManufacturersModelName": "Prisma_fit",
    "MatrixCoilMode": "SENSE",
    "Modality": "MR",
    "PartialFourier": 1,
    "PatientPosition": "HFS",
    "PercentPhaseFOV": 100,
    "PercentSampling": 100,
    "PhaseEncodingDirection": "j-",
    "PhaseEncodingSteps": 90,
    "PhaseResolution": 1,
    "PixelBandwidth": 2780,
    "ProcedureStepDescription": "MR HEAD WO IV CONTRAST",
    "ProtocolName": "fmap_acq-fMRIdistmap_dir-AP_epi",
    "PulseSequenceDetails": "%CustomerSeq%\\ep2d_se_sms_abcd",
    "ReceiveCoilActiveElements": "HEA;HEP",
    "ReceiveCoilName": "Head_32",
    "ReconMatrixPE": 90,
    "RepetitionTime": 7.03,
    "SAR": 0.200123,
    "ScanOptions": "FS",
    "ScanningSequence": "EP",
    "SequenceName": "epse2d1_90",
    "SequenceVariant": "SK\\SP",
    "SeriesDescription": "fmap_acq-fMRIdistmap_dir-AP_epi",
    "SeriesNumber": 17,
    "ShimSetting": [
        1785,
        -3960,
        -221,
        415,
        82,
        -357,
        -47,
        -56
    ],
    "SliceThickness": 2.4,
    "SliceTiming": [
        3.5,
        0,
        3.625,
        0.10938,
        3.75,
        0.23438,
        3.85938,
        0.34375,
        3.98438,
        0.46875,
        4.09375,
        0.57812,
        4.20312,
        0.6875,
        4.32812,
        0.8125,
        4.4375,
        0.9375,
        4.5625,
        1.04688,
        4.6875,
        1.17188,
        4.79688,
        1.28125,
        4.92188,
        1.40625,
        5.03125,
        1.51562,
        5.14062,
        1.625,
        5.26562,
        1.75,
        5.375,
        1.875,
        5.5,
        1.98438,
        5.625,
        2.10938,
        5.73438,
        2.21875,
        5.84375,
        2.34375,
        5.96875,
        2.45312,
        6.07812,
        2.5625,
        6.20312,
        2.6875,
        6.3125,
        2.8125,
        6.4375,
        2.92188,
        6.5625,
        3.04688,
        6.67188,
        3.15625,
        6.78125,
        3.26562,
        6.90625,
        3.39062
    ],
    "SoftwareVersions": "syngo MR E11",
    "SpacingBetweenSlices": 2.4,
    "SpoilingState": true,
    "StationName": "HUP FNDBA MR2",
    "TotalReadoutTime": 0.045391,
    "TxRefAmp": 250.208,
    "VendorReportedEchoSpacing": 0.00051,
    "WipMemBlock": "fb2f904e-47e9-4ca7-a8bb-e0734330bb18",
    "ParallelReductionFactorInPlane": 1,
    "PartialFourierDirection": "y",
    "B0FieldIdentifier": "fmap_fmri_ses_1",
    "Obliquity": "True",
    "VoxelSizeDim1": 2.4000000953674316,
    "VoxelSizeDim2": 2.4000000953674316,
    "VoxelSizeDim3": 2.4000000953674316,
    "Dim1Size": 90,
    "Dim2Size": 90,
    "Dim3Size": 60,
    "NumVolumes": 1,
    "ImageOrientation": "LAS+",
    "IntendedFor": [
        "ses-1/func/sub-21116_ses-1_task-nback_run-01_bold.nii.gz",
        "ses-1/func/sub-21116_ses-1_task-rest_run-01_bold.nii.gz"
    ]
}
