{
    "AcquisitionMatrixPE": 140,
    "AcquisitionNumber": 1,
    "AcquisitionTime": "11:09:30.017500",
    "BandwidthPerPixelPhaseEncode": 10.352,
    "BaseResolution": 140,
    "BodyPartExamined": "BRAIN",
    "CoilCombinationMethod": "Adaptive Combine",
    "ConsistencyInfo": "N4_VE11C_LATEST_20160120",
    "ConversionSoftware": "dcm2niix",
    "ConversionSoftwareVersion": "v1.0.20220505",
    "DerivedVendorReportedEchoSpacing": 0.000689998,
    "DeviceSerialNumber": "167024",
    "DiffusionScheme": "Monopolar",
    "EchoTime": 0.089,
    "EchoTrainLength": 105,
    "EffectiveEchoSpacing": 0.000689998,
    "FlipAngle": 90,
    "HeudiconvVersion": "1.3.2",
    "ImageComments": "20812_12410@BBL:EFR01",
    "ImageOrientationPatientDICOM": [
        1,
        0,
        0,
        0,
        1,
        0
    ],
    "ImageType": [
        "ORIGINAL",
        "PRIMARY",
        "DIFFUSION",
        "NONE",
        "ND"
    ],
    "ImagingFrequency": 123.192,
    "InPlanePhaseEncodingDirectionDICOM": "COL",
    "InstitutionAddress": "Spruce Street 3400,Philadelphia,Pennsylvania,US,19104",
    "InstitutionName": "HUP",
    "MRAcquisitionType": "2D",
    "MagneticFieldStrength": 3,
    "Manufacturer": "Siemens",
    "ManufacturersModelName": "Prisma_fit",
    "MatrixCoilMode": "SENSE",
    "Modality": "MR",
    "PartialFourier": 0.75,
    "PatientPosition": "HFS",
    "PercentPhaseFOV": 100,
    "PercentSampling": 100,
    "PhaseEncodingDirection": "j-",
    "PhaseEncodingSteps": 105,
    "PhaseResolution": 1,
    "PixelBandwidth": 1700,
    "ProcedureStepDescription": "MR HEAD WO IV CONTRAST",
    "ProtocolName": "fmap_acq-dMRIdistmap_dir-AP_epi",
    "PulseSequenceDetails": "%CustomerSeq%\\ep2d_diff_sms_abcd",
    "ReceiveCoilActiveElements": "HEA;HEP",
    "ReceiveCoilName": "Head_32",
    "ReconMatrixPE": 140,
    "RepetitionTime": 12.4,
    "SAR": 0.269821,
    "ScanOptions": "PFP\\FS",
    "ScanningSequence": "EP",
    "SequenceName": "ep_b0",
    "SequenceVariant": "SK\\SP",
    "SeriesDescription": "fmap_acq-dMRIdistmap_dir-AP_epi",
    "SeriesNumber": 13,
    "ShimSetting": [
        1762,
        -3804,
        -240,
        514,
        -4,
        246,
        518,
        -225
    ],
    "SliceThickness": 1.7,
    "SliceTiming": [
        0,
        6.26562,
        0.15625,
        6.42188,
        0.30469,
        6.57812,
        0.46094,
        6.72656,
        0.60938,
        6.88281,
        0.76562,
        7.03125,
        0.92188,
        7.1875,
        1.07031,
        7.33594,
        1.22656,
        7.49219,
        1.375,
        7.64062,
        1.53125,
        7.79688,
        1.67969,
        7.95312,
        1.83594,
        8.10156,
        1.99219,
        8.25781,
        2.14062,
        8.40625,
        2.29688,
        8.5625,
        2.44531,
        8.71094,
        2.60156,
        8.86719,
        2.75,
        9.01562,
        2.90625,
        9.17188,
        3.0625,
        9.32812,
        3.21094,
        9.47656,
        3.36719,
        9.63281,
        3.51562,
        9.78125,
        3.67188,
        9.9375,
        3.82031,
        10.0859,
        3.97656,
        10.2422,
        4.125,
        10.3906,
        4.28125,
        10.5469,
        4.4375,
        10.7031,
        4.58594,
        10.8516,
        4.74219,
        11.0078,
        4.89062,
        11.1562,
        5.04688,
        11.3125,
        5.19531,
        11.4609,
        5.35156,
        11.6172,
        5.50781,
        11.7656,
        5.65625,
        11.9219,
        5.8125,
        12.0781,
        5.96094,
        12.2266,
        6.11719
    ],
    "SoftwareVersions": "syngo MR E11",
    "SpacingBetweenSlices": 1.7,
    "SpoilingState": true,
    "StationName": "HUP FNDBA MR2",
    "TotalReadoutTime": 0.0959097,
    "TxRefAmp": 408.114,
    "VendorReportedEchoSpacing": 0.00069,
    "WipMemBlock": "839f949b-0af6-4ded-8a7c-1a1107cd9d7c",
    "ParallelReductionFactorInPlane": 1,
    "PartialFourierDirection": "y",
    "B0FieldIdentifier": "fmap_dwi_ap_ses-3",
    "Obliquity": "False",
    "VoxelSizeDim1": 1.7142857313156128,
    "VoxelSizeDim2": 1.7142857313156128,
    "VoxelSizeDim3": 1.7000000476837158,
    "Dim1Size": 140,
    "Dim2Size": 140,
    "Dim3Size": 81,
    "NumVolumes": 1,
    "ImageOrientation": "LAS+",
    "IntendedFor": "ses-3/dwi/sub-20812_ses-3_acq-VARIANTObliquity_run-01_dwi.nii.gz"
}