{
    "AcquisitionMatrixPE": 90,
    "AcquisitionNumber": 1,
    "AcquisitionTime": "17:26:29.132500",
    "BandwidthPerPixelPhaseEncode": 21.786,
    "BaseResolution": 90,
    "BodyPartExamined": "BRAIN",
    "CoilCombinationMethod": "Adaptive Combine",
    "ConsistencyInfo": "N4_VE11C_LATEST_20160120",
    "ConversionSoftware": "dcm2niix",
    "ConversionSoftwareVersion": "v1.0.20220505",
    "DerivedVendorReportedEchoSpacing": 0.000510012,
    "DeviceSerialNumber": "167024",
    "EchoTime": 0.08,
    "EchoTrainLength": 90,
    "EffectiveEchoSpacing": 0.000510012,
    "FlipAngle": 90,
    "HeudiconvVersion": "1.3.2",
    "ImageComments": "22617_12517@BBL:EFR01",
    "ImageOrientationPatientDICOM": [
        1,
        0,
        0,
        0,
        1,
        0
    ],
    "ImageType": [
        "ORIGINAL",
        "PRIMARY",
        "M",
        "ND"
    ],
    "ImagingFrequency": 123.166,
    "InPlanePhaseEncodingDirectionDICOM": "COL",
    "InstitutionAddress": "Spruce Street 3400,Philadelphia,Pennsylvania,US,19104",
    "InstitutionName": "HUP",
    "MRAcquisitionType": "2D",
    "MagneticFieldStrength": 3,
    "Manufacturer": "Siemens",
    "ManufacturersModelName": "Prisma_fit",
    "MatrixCoilMode": "SENSE",
    "Modality": "MR",
    "PartialFourier": 1,
    "PatientPosition": "HFS",
    "PercentPhaseFOV": 100,
    "PercentSampling": 100,
    "PhaseEncodingDirection": "j-",
    "PhaseEncodingSteps": 90,
    "PhaseResolution": 1,
    "PixelBandwidth": 2780,
    "ProcedureStepDescription": "MR HEAD WO IV CONTRAST",
    "ProtocolName": "fmap_acq-fMRIdistmap_dir-AP_epi",
    "PulseSequenceDetails": "%CustomerSeq%\\ep2d_se_sms_abcd",
    "ReceiveCoilActiveElements": "HEA;HEP",
    "ReceiveCoilName": "Head_32",
    "ReconMatrixPE": 90,
    "RepetitionTime": 7.03,
    "SAR": 0.202816,
    "ScanOptions": "FS",
    "ScanningSequence": "EP",
    "SequenceName": "epse2d1_90",
    "SequenceVariant": "SK\\SP",
    "SeriesDescription": "fmap_acq-fMRIdistmap_dir-AP_epi",
    "SeriesNumber": 17,
    "ShimSetting": [
        1834,
        -3889,
        -82,
        695,
        37,
        -63,
        104,
        -60
    ],
    "SliceThickness": 2.4,
    "SliceTiming": [
        3.5,
        0,
        3.625,
        0.10938,
        3.73438,
        0.21875,
        3.85938,
        0.34375,
        3.96875,
        0.45312,
        4.09375,
        0.57812,
        4.20312,
        0.6875,
        4.32812,
        0.8125,
        4.4375,
        0.9375,
        4.5625,
        1.04688,
        4.67188,
        1.15625,
        4.79688,
        1.28125,
        4.90625,
        1.39062,
        5.03125,
        1.51562,
        5.14062,
        1.625,
        5.26562,
        1.75,
        5.375,
        1.875,
        5.5,
        1.98438,
        5.60938,
        2.09375,
        5.73438,
        2.21875,
        5.84375,
        2.32812,
        5.96875,
        2.45312,
        6.07812,
        2.5625,
        6.20312,
        2.6875,
        6.3125,
        2.79688,
        6.4375,
        2.92188,
        6.54688,
        3.03125,
        6.67188,
        3.15625,
        6.78125,
        3.26562,
        6.90625,
        3.39062
    ],
    "SoftwareVersions": "syngo MR E11",
    "SpacingBetweenSlices": 2.4,
    "SpoilingState": true,
    "StationName": "HUP FNDBA MR2",
    "TotalReadoutTime": 0.045391,
    "TxRefAmp": 243.424,
    "VendorReportedEchoSpacing": 0.00051,
    "WipMemBlock": "2802b895-4d16-419b-98d1-e2e3c2958605",
    "ParallelReductionFactorInPlane": 1,
    "PartialFourierDirection": "y",
    "B0FieldIdentifier": "fmap_fmri_ses_2",
    "Obliquity": "False",
    "VoxelSizeDim1": 2.4000000953674316,
    "VoxelSizeDim2": 2.4000000953674316,
    "VoxelSizeDim3": 2.4000000953674316,
    "Dim1Size": 90,
    "Dim2Size": 90,
    "Dim3Size": 60,
    "NumVolumes": 1,
    "ImageOrientation": "LAS+",
    "IntendedFor": [
        "ses-2/func/sub-22617_ses-2_task-nback_acq-VARIANTObliquity_run-01_bold.nii.gz",
        "ses-2/func/sub-22617_ses-2_task-rest_acq-VARIANTObliquity_run-01_bold.nii.gz"
    ]
}
