{
    "AcquisitionMatrixPE": 90,
    "AcquisitionNumber": 1,
    "AcquisitionTime": "09:50:47.050000",
    "BandwidthPerPixelPhaseEncode": 21.786,
    "BaseResolution": 90,
    "BodyPartExamined": "BRAIN",
    "CoilCombinationMethod": "Adaptive Combine",
    "ConsistencyInfo": "N4_VE11C_LATEST_20160120",
    "ConversionSoftware": "dcm2niix",
    "ConversionSoftwareVersion": "v1.0.20220505",
    "DerivedVendorReportedEchoSpacing": 0.000510012,
    "DeviceSerialNumber": "167024",
    "DwellTime": 2e-06,
    "EchoTime": 0.08,
    "EchoTrainLength": 90,
    "EffectiveEchoSpacing": 0.000510012,
    "FlipAngle": 90,
    "HeudiconvVersion": "1.3.2",
    "ImageOrientationPatientDICOM": [
        0.99961,
        0.00170461,
        -0.0278696,
        -3.09209e-08,
        0.998135,
        0.0610485
    ],
    "ImageOrientationText": "Tra>Cor(3.5)>Sag(-1.6)",
    "ImageType": [
        "ORIGINAL",
        "PRIMARY",
        "M",
        "ND"
    ],
    "ImagingFrequency": 123.262,
    "InPlanePhaseEncodingDirectionDICOM": "COL",
    "InstitutionAddress": "Spruce Street 3400,Philadelphia,Pennsylvania,US,19104",
    "InstitutionName": "HUP",
    "InstitutionalDepartmentName": "Department",
    "MRAcquisitionType": "2D",
    "MagneticFieldStrength": 3,
    "Manufacturer": "Siemens",
    "ManufacturersModelName": "Prisma_fit",
    "MatrixCoilMode": "SENSE",
    "Modality": "MR",
    "PartialFourier": 1,
    "PatientPosition": "HFS",
    "PercentPhaseFOV": 100,
    "PercentSampling": 100,
    "PhaseEncodingDirection": "j-",
    "PhaseEncodingSteps": 90,
    "PhaseResolution": 1,
    "PixelBandwidth": 2780,
    "ProcedureStepDescription": "MR HEAD WO IV CONTRAST",
    "ProtocolName": "ABCD_fMRI_DistortionMap_AP",
    "PulseSequenceDetails": "%CustomerSeq%\\ep2d_se_sms_abcd",
    "ReceiveCoilActiveElements": "HEA;HEP",
    "ReceiveCoilName": "Head_32",
    "ReconMatrixPE": 90,
    "RepetitionTime": 7.03,
    "SAR": 0.167965,
    "ScanOptions": "FS",
    "ScanningSequence": "EP",
    "SequenceName": "epse2d1_90",
    "SequenceVariant": "SK\\SP",
    "SeriesDescription": "ABCD_fMRI_DistortionMap_AP",
    "SeriesNumber": 19,
    "ShimSetting": [
        1730,
        -3875,
        -336,
        356,
        85,
        -90,
        14,
        18
    ],
    "SliceThickness": 2.4,
    "SliceTiming": [
        3.51562,
        0,
        3.63281,
        0.125,
        3.75,
        0.24219,
        3.875,
        0.35938,
        3.99219,
        0.47656,
        4.10938,
        0.59375,
        4.22656,
        0.71094,
        4.33594,
        0.82812,
        4.45312,
        0.9375,
        4.57031,
        1.0625,
        4.6875,
        1.17969,
        4.8125,
        1.29688,
        4.92969,
        1.41406,
        5.04688,
        1.53125,
        5.15625,
        1.64844,
        5.27344,
        1.75781,
        5.39062,
        1.875,
        5.50781,
        2,
        5.625,
        2.11719,
        5.75,
        2.23438,
        5.86719,
        2.35156,
        5.98438,
        2.46875,
        6.09375,
        2.57812,
        6.21094,
        2.69531,
        6.32812,
        2.8125,
        6.44531,
        2.9375,
        6.5625,
        3.05469,
        6.6875,
        3.17188,
        6.80469,
        3.28906,
        6.91406,
        3.40625
    ],
    "SoftwareVersions": "syngo MR E11",
    "SpacingBetweenSlices": 2.4,
    "SpoilingState": true,
    "StationName": "HUP FNDBA MR2",
    "TotalReadoutTime": 0.045391,
    "TxRefAmp": 239.127,
    "VendorReportedEchoSpacing": 0.00051,
    "WipMemBlock": "842cd789-25a5-45f4-9ec4-bb2ac2c77d68",
    "Obliquity": "True",
    "VoxelSizeDim1": 2.4000000953674316,
    "VoxelSizeDim2": 2.4000000953674316,
    "VoxelSizeDim3": 2.4000000953674316,
    "Dim1Size": 90,
    "Dim2Size": 90,
    "Dim3Size": 60,
    "NumVolumes": 1,
    "ImageOrientation": "LAS+",
    "ParallelReductionFactorInPlane": 1,
    "PartialFourierDirection": "y",
    "B0FieldIdentifier": "fmap_fmri_ses_1",
    "IntendedFor": [
        "ses-1/func/sub-20188_ses-1_task-nback_run-01_bold.nii.gz",
        "ses-1/func/sub-20188_ses-1_task-rest_run-01_bold.nii.gz"
    ]
}
