{
    "AcquisitionMatrixPE": 90,
    "AcquisitionNumber": 1,
    "AcquisitionTime": "13:54:0.845000",
    "BandwidthPerPixelPhaseEncode": 21.786,
    "BaseResolution": 90,
    "BodyPartExamined": "BRAIN",
    "CoilCombinationMethod": "Adaptive Combine",
    "ConsistencyInfo": "N4_VE11C_LATEST_20160120",
    "ConversionSoftware": "dcm2niix",
    "ConversionSoftwareVersion": "v1.0.20220505",
    "DerivedVendorReportedEchoSpacing": 0.000510012,
    "DeviceSerialNumber": "167024",
    "DwellTime": 2e-06,
    "EchoTime": 0.08,
    "EchoTrainLength": 90,
    "EffectiveEchoSpacing": 0.000510012,
    "FlipAngle": 90,
    "HeudiconvVersion": "1.3.2",
    "ImageComments": "20916_11397@BBL:EFR01",
    "ImageOrientationPatientDICOM": [
        0.999701,
        -0.00907327,
        0.0226849,
        -4.88931e-08,
        0.928486,
        0.371368
    ],
    "ImageOrientationText": "Tra>Cor(21.8)>Sag(1.4)",
    "ImageType": [
        "ORIGINAL",
        "PRIMARY",
        "M",
        "ND"
    ],
    "ImagingFrequency": 123.261,
    "InPlanePhaseEncodingDirectionDICOM": "COL",
    "InstitutionAddress": "Spruce Street 3400,Philadelphia,Pennsylvania,US,19104",
    "InstitutionName": "HUP",
    "InstitutionalDepartmentName": "Department",
    "MRAcquisitionType": "2D",
    "MagneticFieldStrength": 3,
    "Manufacturer": "Siemens",
    "ManufacturersModelName": "Prisma_fit",
    "MatrixCoilMode": "SENSE",
    "Modality": "MR",
    "PartialFourier": 1,
    "PatientPosition": "HFS",
    "PercentPhaseFOV": 100,
    "PercentSampling": 100,
    "PhaseEncodingDirection": "j",
    "PhaseEncodingSteps": 90,
    "PhaseResolution": 1,
    "PixelBandwidth": 2780,
    "ProcedureStepDescription": "MR HEAD WO IV CONTRAST",
    "ProtocolName": "fmap_acq-fMRIdistmap_dir-PA_epi",
    "PulseSequenceDetails": "%CustomerSeq%\\ep2d_se_sms_abcd",
    "ReceiveCoilActiveElements": "HEA;HEP",
    "ReceiveCoilName": "Head_32",
    "ReconMatrixPE": 90,
    "RepetitionTime": 7.03,
    "SAR": 0.217795,
    "ScanOptions": "FS",
    "ScanningSequence": "EP",
    "SequenceName": "epse2d1_90",
    "SequenceVariant": "SK\\SP",
    "SeriesDescription": "fmap_acq-fMRIdistmap_dir-PA_epi",
    "SeriesNumber": 16,
    "ShimSetting": [
        1770,
        -4052,
        -110,
        763,
        89,
        -414,
        133,
        -138
    ],
    "SliceThickness": 2.4,
    "SliceTiming": [
        3.51562,
        0,
        3.625,
        0.10938,
        3.75,
        0.23438,
        3.85938,
        0.35938,
        3.98438,
        0.46875,
        4.10938,
        0.59375,
        4.21875,
        0.70312,
        4.34375,
        0.82812,
        4.45312,
        0.9375,
        4.5625,
        1.04688,
        4.6875,
        1.17188,
        4.79688,
        1.29688,
        4.92188,
        1.40625,
        5.04688,
        1.53125,
        5.15625,
        1.64062,
        5.26562,
        1.76562,
        5.39062,
        1.875,
        5.5,
        1.98438,
        5.625,
        2.10938,
        5.73438,
        2.23438,
        5.85938,
        2.34375,
        5.98438,
        2.46875,
        6.09375,
        2.57812,
        6.20312,
        2.6875,
        6.32812,
        2.8125,
        6.4375,
        2.92188,
        6.5625,
        3.04688,
        6.67188,
        3.17188,
        6.79688,
        3.28125,
        6.92188,
        3.40625
    ],
    "SoftwareVersions": "syngo MR E11",
    "SpacingBetweenSlices": 2.4,
    "SpoilingState": true,
    "StationName": "HUP FNDBA MR2",
    "TotalReadoutTime": 0.045391,
    "TxRefAmp": 221.328,
    "VendorReportedEchoSpacing": 0.00051,
    "WipMemBlock": "ecd027ce-06f9-4450-9f7d-8ca99141034f",
    "ParallelReductionFactorInPlane": 1,
    "PartialFourierDirection": "y",
    "B0FieldIdentifier": "fmap_fmri_ses_1",
    "Obliquity": "True",
    "VoxelSizeDim1": 2.4000000953674316,
    "VoxelSizeDim2": 2.4000000953674316,
    "VoxelSizeDim3": 2.4000000953674316,
    "Dim1Size": 90,
    "Dim2Size": 90,
    "Dim3Size": 60,
    "NumVolumes": 1,
    "ImageOrientation": "LAS+",
    "IntendedFor": [
        "ses-1/func/sub-20916_ses-1_task-nback_run-01_bold.nii.gz",
        "ses-1/func/sub-20916_ses-1_task-rest_run-01_bold.nii.gz"
    ]
}
