{
    "AcquisitionMatrixPE": 140,
    "AcquisitionNumber": 1,
    "AcquisitionTime": "17:56:22.992500",
    "BandwidthPerPixelPhaseEncode": 10.352,
    "BaseResolution": 140,
    "BodyPartExamined": "BRAIN",
    "CoilCombinationMethod": "Adaptive Combine",
    "ConsistencyInfo": "N4_VE11C_LATEST_20160120",
    "ConversionSoftware": "dcm2niix",
    "ConversionSoftwareVersion": "v1.0.20220505",
    "DerivedVendorReportedEchoSpacing": 0.000689998,
    "DeviceSerialNumber": "167024",
    "DiffusionScheme": "Monopolar",
    "EchoTime": 0.089,
    "EchoTrainLength": 105,
    "EffectiveEchoSpacing": 0.000689998,
    "FlipAngle": 90,
    "HeudiconvVersion": "1.3.2",
    "ImageComments": "20259_11823@bbl:efr01",
    "ImageOrientationPatientDICOM": [
        0.994522,
        -0.0143669,
        0.103536,
        6.27334e-08,
        0.990509,
        0.137445
    ],
    "ImageType": [
        "ORIGINAL",
        "PRIMARY",
        "DIFFUSION",
        "NONE",
        "ND"
    ],
    "ImagingFrequency": 123.262,
    "InPlanePhaseEncodingDirectionDICOM": "COL",
    "InstitutionAddress": "Spruce Street 3400,Philadelphia,Pennsylvania,US,19104",
    "InstitutionName": "HUP",
    "MRAcquisitionType": "2D",
    "MagneticFieldStrength": 3,
    "Manufacturer": "Siemens",
    "ManufacturersModelName": "Prisma_fit",
    "MatrixCoilMode": "SENSE",
    "Modality": "MR",
    "PartialFourier": 0.75,
    "PatientPosition": "HFS",
    "PercentPhaseFOV": 100,
    "PercentSampling": 100,
    "PhaseEncodingDirection": "j-",
    "PhaseEncodingSteps": 105,
    "PhaseResolution": 1,
    "PixelBandwidth": 1700,
    "ProcedureStepDescription": "MR HEAD WO IV CONTRAST",
    "ProtocolName": "fmap_acq-dMRIdistmap_dir-AP_epi",
    "PulseSequenceDetails": "%CustomerSeq%\\ep2d_diff_sms_abcd",
    "ReceiveCoilActiveElements": "HEA;HEP",
    "ReceiveCoilName": "Head_32",
    "ReconMatrixPE": 140,
    "RepetitionTime": 12.4,
    "SAR": 0.127804,
    "ScanOptions": "PFP\\FS",
    "ScanningSequence": "EP",
    "SequenceName": "ep_b0",
    "SequenceVariant": "SK\\SP",
    "SeriesDescription": "fmap_acq-dMRIdistmap_dir-AP_epi",
    "SeriesNumber": 11,
    "ShimSetting": [
        1746,
        -3938,
        -182,
        469,
        -113,
        -191,
        97,
        -17
    ],
    "SliceThickness": 1.7,
    "SliceTiming": [
        0,
        6.26562,
        0.14062,
        6.40625,
        0.29688,
        6.5625,
        0.45312,
        6.71875,
        0.60938,
        6.875,
        0.75,
        7.01562,
        0.90625,
        7.17188,
        1.0625,
        7.32812,
        1.21875,
        7.48438,
        1.375,
        7.64062,
        1.51562,
        7.78125,
        1.67188,
        7.9375,
        1.82812,
        8.09375,
        1.98438,
        8.25,
        2.125,
        8.40625,
        2.28125,
        8.54688,
        2.4375,
        8.70312,
        2.59375,
        8.85938,
        2.75,
        9.01562,
        2.89062,
        9.15625,
        3.04688,
        9.3125,
        3.20312,
        9.46875,
        3.35938,
        9.625,
        3.5,
        9.78125,
        3.65625,
        9.92188,
        3.8125,
        10.0781,
        3.96875,
        10.2344,
        4.125,
        10.3906,
        4.26562,
        10.5312,
        4.42188,
        10.6875,
        4.57812,
        10.8438,
        4.73438,
        11,
        4.89062,
        11.1562,
        5.03125,
        11.2969,
        5.1875,
        11.4531,
        5.34375,
        11.6094,
        5.5,
        11.7656,
        5.64062,
        11.9219,
        5.79688,
        12.0625,
        5.95312,
        12.2188,
        6.10938
    ],
    "SoftwareVersions": "syngo MR E11",
    "SpacingBetweenSlices": 1.7,
    "SpoilingState": true,
    "StationName": "HUP FNDBA MR2",
    "TotalReadoutTime": 0.0959097,
    "TxRefAmp": 235.221,
    "VendorReportedEchoSpacing": 0.00069,
    "WipMemBlock": "fcbacd84-f2a0-4297-bc56-753fc60356ca",
    "Obliquity": "True",
    "VoxelSizeDim1": 1.7142857313156128,
    "VoxelSizeDim2": 1.7142857313156128,
    "VoxelSizeDim3": 1.7000000476837158,
    "Dim1Size": 140,
    "Dim2Size": 140,
    "Dim3Size": 81,
    "NumVolumes": 1,
    "ImageOrientation": "LAS+",
    "ParallelReductionFactorInPlane": 1,
    "PartialFourierDirection": "y",
    "B0FieldIdentifier": "fmap_dwi_ap_ses-2"
}