{
    "AcquisitionMatrixPE": 90,
    "AcquisitionNumber": 1,
    "AcquisitionTime": "16:28:50.940000",
    "BandwidthPerPixelPhaseEncode": 21.786,
    "BaseResolution": 90,
    "BodyPartExamined": "BRAIN",
    "CoilCombinationMethod": "Adaptive Combine",
    "ConsistencyInfo": "N4_VE11C_LATEST_20160120",
    "ConversionSoftware": "dcm2niix",
    "ConversionSoftwareVersion": "v1.0.20220505",
    "DerivedVendorReportedEchoSpacing": 0.000510012,
    "DeviceSerialNumber": "167024",
    "EchoTime": 0.08,
    "EchoTrainLength": 90,
    "EffectiveEchoSpacing": 0.000510012,
    "FlipAngle": 90,
    "HeudiconvVersion": "1.3.2",
    "ImageComments": "21623_12450@BBL:EFR01",
    "ImageOrientationPatientDICOM": [
        1,
        0,
        0,
        0,
        1,
        0
    ],
    "ImageType": [
        "ORIGINAL",
        "PRIMARY",
        "M",
        "ND"
    ],
    "ImagingFrequency": 123.167,
    "InPlanePhaseEncodingDirectionDICOM": "COL",
    "InstitutionAddress": "Spruce Street 3400,Philadelphia,Pennsylvania,US,19104",
    "InstitutionName": "HUP",
    "MRAcquisitionType": "2D",
    "MagneticFieldStrength": 3,
    "Manufacturer": "Siemens",
    "ManufacturersModelName": "Prisma_fit",
    "MatrixCoilMode": "SENSE",
    "Modality": "MR",
    "PartialFourier": 1,
    "PatientPosition": "HFS",
    "PercentPhaseFOV": 100,
    "PercentSampling": 100,
    "PhaseEncodingDirection": "j",
    "PhaseEncodingSteps": 90,
    "PhaseResolution": 1,
    "PixelBandwidth": 2780,
    "ProcedureStepDescription": "MR HEAD WO IV CONTRAST",
    "ProtocolName": "fmap_acq-fMRIdistmap_dir-PA_epi",
    "PulseSequenceDetails": "%CustomerSeq%\\ep2d_se_sms_abcd",
    "ReceiveCoilActiveElements": "HEA;HEP",
    "ReceiveCoilName": "Head_32",
    "ReconMatrixPE": 90,
    "RepetitionTime": 7.03,
    "SAR": 0.218133,
    "ScanOptions": "FS",
    "ScanningSequence": "EP",
    "SequenceName": "epse2d1_90",
    "SequenceVariant": "SK\\SP",
    "SeriesDescription": "fmap_acq-fMRIdistmap_dir-PA_epi",
    "SeriesNumber": 21,
    "ShimSetting": [
        1816,
        -3897,
        -134,
        626,
        15,
        -56,
        51,
        -90
    ],
    "SliceThickness": 2.4,
    "SliceTiming": [
        3.51562,
        0,
        3.64062,
        0.125,
        3.75,
        0.23438,
        3.875,
        0.35938,
        3.98438,
        0.46875,
        4.10938,
        0.59375,
        4.21875,
        0.70312,
        4.34375,
        0.82812,
        4.45312,
        0.9375,
        4.57812,
        1.0625,
        4.6875,
        1.17188,
        4.8125,
        1.29688,
        4.92188,
        1.40625,
        5.04688,
        1.53125,
        5.15625,
        1.64062,
        5.28125,
        1.76562,
        5.39062,
        1.875,
        5.51562,
        2,
        5.625,
        2.10938,
        5.75,
        2.23438,
        5.85938,
        2.34375,
        5.98438,
        2.46875,
        6.09375,
        2.57812,
        6.21875,
        2.70312,
        6.32812,
        2.8125,
        6.45312,
        2.9375,
        6.5625,
        3.04688,
        6.6875,
        3.17188,
        6.79688,
        3.28125,
        6.92188,
        3.40625
    ],
    "SoftwareVersions": "syngo MR E11",
    "SpacingBetweenSlices": 2.4,
    "SpoilingState": true,
    "StationName": "HUP FNDBA MR2",
    "TotalReadoutTime": 0.045391,
    "TxRefAmp": 232.459,
    "VendorReportedEchoSpacing": 0.00051,
    "WipMemBlock": "514f2c6d-39ea-4695-b461-8cef9f2446ee",
    "ParallelReductionFactorInPlane": 1,
    "PartialFourierDirection": "y",
    "B0FieldIdentifier": "fmap_fmri_ses_2",
    "Obliquity": "False",
    "VoxelSizeDim1": 2.4000000953674316,
    "VoxelSizeDim2": 2.4000000953674316,
    "VoxelSizeDim3": 2.4000000953674316,
    "Dim1Size": 90,
    "Dim2Size": 90,
    "Dim3Size": 60,
    "NumVolumes": 1,
    "ImageOrientation": "LAS+",
    "IntendedFor": [
        "ses-2/func/sub-21623_ses-2_task-nback_acq-VARIANTObliquity_run-01_bold.nii.gz",
        "ses-2/func/sub-21623_ses-2_task-rest_acq-VARIANTObliquity_run-01_bold.nii.gz"
    ]
}
