{
    "AcquisitionMatrixPE": 64,
    "AcquisitionNumber": 1,
    "AcquisitionTime": "11:33:51.150000",
    "BaseResolution": 64,
    "BodyPartExamined": "BRAIN",
    "CoilCombinationMethod": "Adaptive Combine",
    "ConsistencyInfo": "N4_VE11C_LATEST_20160120",
    "ConversionSoftware": "dcm2niix",
    "ConversionSoftwareVersion": "v1.0.20220505",
    "DeviceSerialNumber": "167024",
    "EchoTime": 0.01003,
    "FlipAngle": 90,
    "FrameTimesStart": [
        0,
        34.85,
        41.275,
        47.7025,
        54.1275,
        60.5525,
        66.9775,
        73.4025,
        79.8275,
        86.255,
        92.68,
        99.105,
        105.53,
        111.955,
        118.38,
        124.808,
        131.232,
        137.658,
        144.083,
        150.508,
        156.932,
        163.36,
        169.785,
        176.21,
        182.635,
        189.06,
        195.485,
        201.913,
        208.337,
        214.762,
        221.188,
        227.613,
        234.038,
        240.465,
        246.89,
        253.315,
        259.74,
        266.165,
        272.59,
        279.017,
        285.443,
        291.867,
        298.293,
        304.717,
        311.142,
        317.57,
        323.995,
        330.42,
        336.845,
        343.27,
        349.695,
        356.122,
        362.547,
        368.973,
        375.397,
        381.823,
        388.247,
        394.675,
        401.1,
        407.525,
        413.95,
        420.375,
        426.802,
        433.228,
        439.652,
        446.078,
        452.503,
        458.927,
        465.355,
        471.78,
        478.205,
        484.63,
        491.055,
        497.48,
        503.908,
        510.332,
        516.758,
        523.182,
        529.607,
        536.032
    ],
    "HeudiconvVersion": "1.3.2",
    "ImageComments": "20812_12410@BBL:EFR01",
    "ImageOrientationPatientDICOM": [
        1,
        0,
        0,
        0,
        1,
        0
    ],
    "ImageType": [
        "ORIGINAL",
        "PRIMARY",
        "M",
        "ND"
    ],
    "ImagingFrequency": 123.193,
    "InPlanePhaseEncodingDirectionDICOM": "COL",
    "InstitutionAddress": "Spruce Street 3400,Philadelphia,Pennsylvania,US,19104",
    "InstitutionName": "HUP",
    "MRAcquisitionType": "3D",
    "MagneticFieldStrength": 3,
    "Manufacturer": "Siemens",
    "ManufacturersModelName": "Prisma_fit",
    "MatrixCoilMode": "SENSE",
    "Modality": "MR",
    "PartialFourier": 1,
    "PatientPosition": "HFS",
    "PercentPhaseFOV": 100,
    "PercentSampling": 100,
    "PhaseEncodingSteps": 2,
    "PhaseResolution": 1,
    "PixelBandwidth": 400,
    "ProcedureStepDescription": "MR HEAD WO IV CONTRAST",
    "ProtocolName": "asl_acq-3dspiralv20unbalanced_asl",
    "PulseSequenceDetails": "%CustomerSeq%\\SPIRAL_V20_GE",
    "ReceiveCoilActiveElements": "HEA;HEP",
    "ReceiveCoilName": "Head_32",
    "ReconMatrixPE": 64,
    "RepetitionTime": 6.78522,
    "RepetitionTimeExcitation": 6.4254,
    "SAR": 0.685569,
    "ScanOptions": "SAT1\\FS",
    "ScanningSequence": "RM",
    "SequenceName": "Sp3d1",
    "SequenceVariant": "SS",
    "SeriesDescription": "asl_acq-3dspiralv20unbalanced_asl_ASL",
    "SeriesNumber": 23,
    "ShimSetting": [
        1778,
        -3813,
        -228,
        549,
        -14,
        178,
        362,
        -223
    ],
    "SliceThickness": 3.75,
    "SoftwareVersions": "syngo MR E11",
    "StationName": "HUP FNDBA MR2",
    "TxRefAmp": 408.114,
    "RepetitionTimePreparation": 4.29845,
    "ArterialSpinLabelingType": "PCASL",
    "PostLabelingDelay": 1.5,
    "TotalAcquiredPairs": 40,
    "BackgroundSuppressionNumberPulses": 2,
    "PCASLType": "unbalanced",
    "BackgroundSuppression": true,
    "LabelingDuration": 1.5,
    "M0Type": "Separate",
    "Obliquity": "False",
    "VoxelSizeDim1": 3.75,
    "VoxelSizeDim2": 3.75,
    "VoxelSizeDim3": 3.75,
    "Dim1Size": 64,
    "Dim2Size": 64,
    "Dim3Size": 32,
    "NumVolumes": 80,
    "ImageOrientation": "LAS+"
}