{
    "AcquisitionMatrixPE": 90,
    "AcquisitionNumber": 1,
    "AcquisitionTime": "14:00:16.070000",
    "BandwidthPerPixelPhaseEncode": 21.786,
    "BaseResolution": 90,
    "BodyPartExamined": "BRAIN",
    "CoilCombinationMethod": "Adaptive Combine",
    "ConsistencyInfo": "N4_VE11C_LATEST_20160120",
    "ConversionSoftware": "dcm2niix",
    "ConversionSoftwareVersion": "v1.0.20220505",
    "DerivedVendorReportedEchoSpacing": 0.000510012,
    "DeviceSerialNumber": "167024",
    "DwellTime": 2e-06,
    "EchoTime": 0.08,
    "EchoTrainLength": 90,
    "EffectiveEchoSpacing": 0.000510012,
    "FlipAngle": 90,
    "HeudiconvVersion": "1.3.2",
    "ImageOrientationPatientDICOM": [
        0.998806,
        0.0128078,
        -0.0471408,
        7.74311e-08,
        0.965016,
        0.262189
    ],
    "ImageOrientationText": "Tra>Cor(15.2)>Sag(-2.8)",
    "ImageType": [
        "ORIGINAL",
        "PRIMARY",
        "M",
        "ND"
    ],
    "ImagingFrequency": 123.262,
    "InPlanePhaseEncodingDirectionDICOM": "COL",
    "InstitutionAddress": "Spruce Street 3400,Philadelphia,Pennsylvania,US,19104",
    "InstitutionName": "HUP",
    "InstitutionalDepartmentName": "Department",
    "MRAcquisitionType": "2D",
    "MagneticFieldStrength": 3,
    "Manufacturer": "Siemens",
    "ManufacturersModelName": "Prisma_fit",
    "MatrixCoilMode": "SENSE",
    "Modality": "MR",
    "PartialFourier": 1,
    "PatientPosition": "HFS",
    "PercentPhaseFOV": 100,
    "PercentSampling": 100,
    "PhaseEncodingDirection": "j-",
    "PhaseEncodingSteps": 90,
    "PhaseResolution": 1,
    "PixelBandwidth": 2780,
    "ProcedureStepDescription": "MR HEAD WO IV CONTRAST",
    "ProtocolName": "ABCD_fMRI_DistortionMap_AP",
    "PulseSequenceDetails": "%CustomerSeq%\\ep2d_se_sms_abcd",
    "ReceiveCoilActiveElements": "HEA;HEP",
    "ReceiveCoilName": "Head_32",
    "ReconMatrixPE": 90,
    "RepetitionTime": 7.03,
    "SAR": 0.157025,
    "ScanOptions": "FS",
    "ScanningSequence": "EP",
    "SequenceName": "epse2d1_90",
    "SequenceVariant": "SK\\SP",
    "SeriesDescription": "ABCD_fMRI_DistortionMap_AP",
    "SeriesNumber": 17,
    "ShimSetting": [
        1737,
        -3938,
        -208,
        546,
        74,
        -206,
        149,
        -2
    ],
    "SliceThickness": 2.4,
    "SliceTiming": [
        3.5,
        0,
        3.625,
        0.10938,
        3.75,
        0.23438,
        3.85938,
        0.34375,
        3.96875,
        0.45312,
        4.09375,
        0.57812,
        4.20312,
        0.6875,
        4.32812,
        0.8125,
        4.4375,
        0.9375,
        4.5625,
        1.04688,
        4.6875,
        1.17188,
        4.79688,
        1.28125,
        4.90625,
        1.39062,
        5.03125,
        1.51562,
        5.14062,
        1.625,
        5.26562,
        1.75,
        5.375,
        1.875,
        5.5,
        1.98438,
        5.60938,
        2.10938,
        5.73438,
        2.21875,
        5.84375,
        2.32812,
        5.96875,
        2.45312,
        6.07812,
        2.5625,
        6.20312,
        2.6875,
        6.3125,
        2.8125,
        6.4375,
        2.92188,
        6.54688,
        3.03125,
        6.67188,
        3.15625,
        6.78125,
        3.26562,
        6.90625,
        3.39062
    ],
    "SoftwareVersions": "syngo MR E11",
    "SpacingBetweenSlices": 2.4,
    "SpoilingState": true,
    "StationName": "HUP FNDBA MR2",
    "TotalReadoutTime": 0.045391,
    "TxRefAmp": 218.041,
    "VendorReportedEchoSpacing": 0.00051,
    "WipMemBlock": "1007442c-d708-431e-836d-daa2b217f5dc",
    "Obliquity": "True",
    "VoxelSizeDim1": 2.4000000953674316,
    "VoxelSizeDim2": 2.4000000953674316,
    "VoxelSizeDim3": 2.4000000953674316,
    "Dim1Size": 90,
    "Dim2Size": 90,
    "Dim3Size": 60,
    "NumVolumes": 1,
    "ImageOrientation": "LAS+",
    "ParallelReductionFactorInPlane": 1,
    "PartialFourierDirection": "y",
    "B0FieldIdentifier": "fmap_fmri_ses_1",
    "IntendedFor": [
        "ses-1/func/sub-20410_ses-1_task-nback_run-01_bold.nii.gz",
        "ses-1/func/sub-20410_ses-1_task-rest_run-01_bold.nii.gz"
    ]
}
